STORAGE: NONE
NUGET
  remote: https://api.nuget.org/v3/index.json
    Argu (5.1) - restriction: >= netcoreapp2.0
      FSharp.Core (>= 4.3.2) - restriction: && (< net45) (>= netstandard2.0)
      System.Configuration.ConfigurationManager (>= 4.4) - restriction: && (< net45) (>= netstandard2.0)
    Baseclass.Contrib.Nuget.Output (2.4.3) - restriction: >= net461
    Chessie (0.6) - restriction: >= netcoreapp2.0
      FSharp.Core (>= 4.0.1.7-alpha) - restriction: >= netstandard1.6
      NETStandard.Library (>= 1.6) - restriction: >= netstandard1.6
    CppSharp (0.8.19) - restriction: >= net461
      Baseclass.Contrib.Nuget.Output (>= 2.4.1)
    dotnet-fake (5.0.0-rc012.95) - clitool: true
      Argu (>= 5.1) - restriction: >= netcoreapp2.0
      Fake.Core.CommandLineParsing (>= 5.0.0-rc012.95) - restriction: >= netcoreapp2.0
      Fake.Core.Context (>= 5.0.0-rc012.95) - restriction: >= netcoreapp2.0
      Fake.Runtime (>= 5.0.0-rc012.95) - restriction: >= netcoreapp2.0
      FSharp.Core (>= 4.3.4) - restriction: >= netcoreapp2.0
      Microsoft.NETCore.App (>= 2.0) - restriction: >= netcoreapp2.0
      Mono.Cecil (>= 0.10) - restriction: >= netcoreapp2.0
      Paket.Core (>= 5.157.0-alpha003) - restriction: >= netcoreapp2.0
    Fake.Core.CommandLineParsing (5.0.0-rc012.95) - restriction: >= netcoreapp2.0
      FParsec (>= 1.0.3) - restriction: || (>= net46) (>= netstandard1.6)
      FSharp.Core (>= 4.3.4) - restriction: || (>= net46) (>= netstandard1.6)
    Fake.Core.Context (5.0.0-rc012.95) - restriction: >= netcoreapp2.0
      FSharp.Core (>= 4.3.4) - restriction: || (>= net46) (>= netstandard1.6)
    Fake.Runtime (5.0.0-rc012.95) - restriction: >= netcoreapp2.0
      Fake.Core.Context (>= 5.0.0-rc012.95) - restriction: >= netstandard2.0
      FSharp.Compiler.Service (>= 22.0.3) - restriction: >= netstandard2.0
      FSharp.Core (>= 4.3.4) - restriction: >= netstandard2.0
      Microsoft.DotNet.PlatformAbstractions (>= 2.0.4) - restriction: >= netstandard2.0
      Mono.Cecil (>= 0.10) - restriction: >= netstandard2.0
      Paket.Core (>= 5.157.0-alpha003) - restriction: >= netstandard2.0
      System.Runtime.Loader (>= 4.3) - restriction: >= netstandard2.0
    FParsec (1.0.3) - restriction: >= netcoreapp2.0
      FSharp.Core (>= 4.2.3) - restriction: && (< net40) (>= netstandard1.6)
      NETStandard.Library (>= 1.6.1) - restriction: && (< net40) (>= netstandard1.6)
    FSharp.Compiler.Service (22.0.3) - restriction: >= netcoreapp2.0
      FSharp.Core (>= 4.1.18) - restriction: || (>= net45) (>= netstandard2.0)
      Microsoft.DiaSymReader (>= 1.1) - restriction: || (>= net45) (>= netstandard2.0)
      Microsoft.DiaSymReader.PortablePdb (>= 1.2) - restriction: || (>= net45) (>= netstandard2.0)
      System.Collections.Immutable (>= 1.3.1) - restriction: || (>= net45) (>= netstandard2.0)
      System.Diagnostics.Process (>= 4.1) - restriction: && (< net45) (>= netstandard2.0)
      System.Diagnostics.TraceSource (>= 4.0) - restriction: && (< net45) (>= netstandard2.0)
      System.Reflection.Emit (>= 4.3) - restriction: && (< net45) (>= netstandard2.0)
      System.Reflection.Metadata (>= 1.4.2) - restriction: || (>= net45) (>= netstandard2.0)
      System.Reflection.TypeExtensions (>= 4.3) - restriction: && (< net45) (>= netstandard2.0)
      System.Runtime.Loader (>= 4.0) - restriction: && (< net45) (>= netstandard2.0)
      System.Security.Cryptography.Algorithms (>= 4.3) - restriction: && (< net45) (>= netstandard2.0)
    FSharp.Core (4.3.4) - restriction: >= netcoreapp2.0
    FSharp.Formatting.CommandTool (3.0.0-beta01)
    Microsoft.DiaSymReader (1.2) - restriction: >= netcoreapp2.0
      Microsoft.Net.Compilers (>= 2.3) - restriction: || (>= net20) (>= netstandard1.1)
      NETStandard.Library (>= 1.6.1) - restriction: && (< net20) (>= netstandard1.1)
    Microsoft.DiaSymReader.PortablePdb (1.4) - restriction: >= netcoreapp2.0
      Microsoft.DiaSymReader (>= 1.2) - restriction: >= portable-net45+win8
      System.Collections (>= 4.3) - restriction: >= netstandard1.1
      System.Collections.Immutable (>= 1.3.1) - restriction: >= portable-net45+win8
      System.Diagnostics.Debug (>= 4.3) - restriction: >= netstandard1.1
      System.Globalization (>= 4.3) - restriction: >= netstandard1.1
      System.IO (>= 4.3) - restriction: >= netstandard1.1
      System.Linq (>= 4.3) - restriction: >= netstandard1.1
      System.Reflection (>= 4.3) - restriction: >= netstandard1.1
      System.Reflection.Metadata (>= 1.4.2) - restriction: >= portable-net45+win8
      System.Reflection.Primitives (>= 4.3) - restriction: >= netstandard1.1
      System.Runtime (>= 4.3) - restriction: >= netstandard1.1
      System.Runtime.Extensions (>= 4.3) - restriction: >= netstandard1.1
      System.Runtime.InteropServices (>= 4.3) - restriction: >= netstandard1.1
      System.Text.Encoding (>= 4.3) - restriction: >= netstandard1.1
      System.Threading (>= 4.3) - restriction: >= netstandard1.1
    Microsoft.DotNet.PlatformAbstractions (2.0.4) - restriction: >= netcoreapp2.0
      System.AppContext (>= 4.1) - restriction: && (< net45) (>= netstandard1.3)
      System.Collections (>= 4.0.11) - restriction: && (< net45) (>= netstandard1.3)
      System.IO (>= 4.1) - restriction: && (< net45) (>= netstandard1.3)
      System.IO.FileSystem (>= 4.0.1) - restriction: && (< net45) (>= netstandard1.3)
      System.Reflection.TypeExtensions (>= 4.1) - restriction: && (< net45) (>= netstandard1.3)
      System.Runtime.Extensions (>= 4.1) - restriction: && (< net45) (>= netstandard1.3)
      System.Runtime.InteropServices (>= 4.1) - restriction: && (< net45) (>= netstandard1.3)
      System.Runtime.InteropServices.RuntimeInformation (>= 4.0) - restriction: && (< net45) (>= netstandard1.3)
    Microsoft.Net.Compilers (2.8) - restriction: >= netcoreapp2.0
    Microsoft.NETCore.App (2.0.7) - restriction: >= netcoreapp2.0
      Microsoft.NETCore.DotNetHostPolicy (>= 2.0.7) - restriction: >= netcoreapp2.0
      Microsoft.NETCore.Platforms (>= 2.0.2) - restriction: >= netcoreapp2.0
      NETStandard.Library (>= 2.0.1) - restriction: >= netcoreapp2.0
    Microsoft.NETCore.DotNetAppHost (2.0.7) - restriction: >= netcoreapp2.0
    Microsoft.NETCore.DotNetHostPolicy (2.0.7) - restriction: >= netcoreapp2.0
      Microsoft.NETCore.DotNetHostResolver (>= 2.0.7)
    Microsoft.NETCore.DotNetHostResolver (2.0.7) - restriction: >= netcoreapp2.0
      Microsoft.NETCore.DotNetAppHost (>= 2.0.7)
    Microsoft.NETCore.Platforms (2.0.2) - restriction: >= netcoreapp2.0
    Microsoft.NETCore.Targets (2.0) - restriction: >= netcoreapp2.0
    Microsoft.Win32.Primitives (4.3) - restriction: >= netcoreapp2.0
      Microsoft.NETCore.Platforms (>= 1.1) - restriction: && (< monoandroid) (< monotouch) (< net46) (>= netstandard1.3) (< xamarinios) (< xamarinmac) (< xamarintvos) (< xamarinwatchos)
      Microsoft.NETCore.Targets (>= 1.1) - restriction: && (< monoandroid) (< monotouch) (< net46) (>= netstandard1.3) (< xamarinios) (< xamarinmac) (< xamarintvos) (< xamarinwatchos)
      System.Runtime (>= 4.3) - restriction: && (< monoandroid) (< monotouch) (< net46) (>= netstandard1.3) (< xamarinios) (< xamarinmac) (< xamarintvos) (< xamarinwatchos)
    Microsoft.Win32.Registry (4.4) - restriction: >= netcoreapp2.0
      Microsoft.NETCore.Platforms (>= 2.0) - restriction: >= netcoreapp2.0
      System.Security.AccessControl (>= 4.4) - restriction: || (>= monoandroid) (>= monotouch) (&& (< net46) (>= netstandard2.0)) (>= net461) (>= netcoreapp2.0) (>= xamarinios) (>= xamarinmac) (>= xamarintvos) (>= xamarinwatchos)
      System.Security.Principal.Windows (>= 4.4) - restriction: || (>= monoandroid) (>= monotouch) (&& (< net46) (>= netstandard2.0)) (>= net461) (>= netcoreapp2.0) (>= xamarinios) (>= xamarinmac) (>= xamarintvos) (>= xamarinwatchos)
    Mono.Cecil (0.10) - restriction: >= netcoreapp2.0
      System.Collections (>= 4.0.11) - restriction: && (< net35) (>= netstandard1.3)
      System.IO.FileSystem (>= 4.0.1) - restriction: && (< net35) (>= netstandard1.3)
      System.IO.FileSystem.Primitives (>= 4.0.1) - restriction: && (< net35) (>= netstandard1.3)
      System.Reflection (>= 4.1) - restriction: && (< net35) (>= netstandard1.3)
      System.Runtime.Extensions (>= 4.1) - restriction: && (< net35) (>= netstandard1.3)
      System.Security.Cryptography.Algorithms (>= 4.2) - restriction: && (< net35) (>= netstandard1.3)
      System.Security.Cryptography.Csp (>= 4.0) - restriction: && (< net35) (>= netstandard1.3)
      System.Threading (>= 4.0.11) - restriction: && (< net35) (>= netstandard1.3)
    NETStandard.Library (2.0.3) - restriction: || (&& (< net35) (>= netstandard1.1)) (&& (< net452) (>= netstandard1.1)) (>= netcoreapp2.0)
      Microsoft.NETCore.Platforms (>= 1.1) - restriction: || (&& (>= net45) (< netstandard1.3)) (&& (< net45) (>= netstandard1.1) (< netstandard1.2) (< win8)) (&& (< net45) (>= netstandard1.2) (< netstandard1.3) (< win8) (< wpa81)) (&& (< net45) (>= netstandard1.3) (< netstandard1.4) (< win8) (< wpa81)) (&& (< net45) (>= netstandard1.4) (< netstandard1.5) (< win8) (< wpa81)) (&& (< net45) (>= netstandard1.5) (< netstandard1.6) (< win8) (< wpa81)) (&& (< net45) (>= netstandard1.6) (< netstandard2.0) (< win8) (< wpa81)) (&& (< net45) (>= netstandard2.0) (< win8) (< wpa81)) (&& (>= net46) (< netstandard1.4)) (>= net461) (>= netcoreapp2.0) (&& (>= netstandard1.0) (< portable-net45+win8+wpa81)) (&& (< netstandard1.0) (>= portable-net45+win8) (< win8)) (&& (< netstandard1.0) (< portable-net45+win8) (>= portable-net45+win8+wpa81)) (&& (< netstandard1.0) (>= portable-net45+win8+wp8+wpa81) (< portable-net45+win8+wpa81)) (&& (< netstandard1.0) (>= win8)) (&& (< netstandard1.3) (< win8) (>= wpa81)) (>= uap10.0) (>= wp8)
    Newtonsoft.Json (11.0.2) - restriction: >= netcoreapp2.0
    Paket.Core (5.163.2) - restriction: >= netcoreapp2.0
      Chessie (>= 0.6) - restriction: || (>= net45) (>= netstandard2.0)
      Mono.Cecil (>= 0.10.0-beta6) - restriction: || (>= net45) (>= netstandard2.0)
      Newtonsoft.Json (>= 10.0.3) - restriction: && (< net45) (>= netstandard2.0)
      System.Security.Cryptography.ProtectedData (>= 4.4) - restriction: && (< net45) (>= netstandard2.0)
    runtime.debian.8-x64.runtime.native.System.Security.Cryptography.OpenSsl (4.3.2) - restriction: >= netcoreapp2.0
    runtime.fedora.23-x64.runtime.native.System.Security.Cryptography.OpenSsl (4.3.2) - restriction: >= netcoreapp2.0
    runtime.fedora.24-x64.runtime.native.System.Security.Cryptography.OpenSsl (4.3.2) - restriction: >= netcoreapp2.0
    runtime.native.System (4.3) - restriction: >= netcoreapp2.0
      Microsoft.NETCore.Platforms (>= 1.1)
      Microsoft.NETCore.Targets (>= 1.1)
    runtime.native.System.Security.Cryptography.Apple (4.3.1) - restriction: >= netcoreapp2.0
      runtime.osx.10.10-x64.runtime.native.System.Security.Cryptography.Apple (>= 4.3.1)
    runtime.native.System.Security.Cryptography.OpenSsl (4.3.2) - restriction: >= netcoreapp2.0
      runtime.debian.8-x64.runtime.native.System.Security.Cryptography.OpenSsl (>= 4.3.2)
      runtime.fedora.23-x64.runtime.native.System.Security.Cryptography.OpenSsl (>= 4.3.2)
      runtime.fedora.24-x64.runtime.native.System.Security.Cryptography.OpenSsl (>= 4.3.2)
      runtime.opensuse.13.2-x64.runtime.native.System.Security.Cryptography.OpenSsl (>= 4.3.2)
      runtime.opensuse.42.1-x64.runtime.native.System.Security.Cryptography.OpenSsl (>= 4.3.2)
      runtime.osx.10.10-x64.runtime.native.System.Security.Cryptography.OpenSsl (>= 4.3.2)
      runtime.rhel.7-x64.runtime.native.System.Security.Cryptography.OpenSsl (>= 4.3.2)
      runtime.ubuntu.14.04-x64.runtime.native.System.Security.Cryptography.OpenSsl (>= 4.3.2)
      runtime.ubuntu.16.04-x64.runtime.native.System.Security.Cryptography.OpenSsl (>= 4.3.2)
      runtime.ubuntu.16.10-x64.runtime.native.System.Security.Cryptography.OpenSsl (>= 4.3.2)
    runtime.opensuse.13.2-x64.runtime.native.System.Security.Cryptography.OpenSsl (4.3.2) - restriction: >= netcoreapp2.0
    runtime.opensuse.42.1-x64.runtime.native.System.Security.Cryptography.OpenSsl (4.3.2) - restriction: >= netcoreapp2.0
    runtime.osx.10.10-x64.runtime.native.System.Security.Cryptography.Apple (4.3.1) - restriction: >= netcoreapp2.0
    runtime.osx.10.10-x64.runtime.native.System.Security.Cryptography.OpenSsl (4.3.2) - restriction: >= netcoreapp2.0
    runtime.rhel.7-x64.runtime.native.System.Security.Cryptography.OpenSsl (4.3.2) - restriction: >= netcoreapp2.0
    runtime.ubuntu.14.04-x64.runtime.native.System.Security.Cryptography.OpenSsl (4.3.2) - restriction: >= netcoreapp2.0
    runtime.ubuntu.16.04-x64.runtime.native.System.Security.Cryptography.OpenSsl (4.3.2) - restriction: >= netcoreapp2.0
    runtime.ubuntu.16.10-x64.runtime.native.System.Security.Cryptography.OpenSsl (4.3.2) - restriction: >= netcoreapp2.0
    System.AppContext (4.3) - restriction: >= netcoreapp2.0
      System.Runtime (>= 4.3) - restriction: || (>= dnxcore50) (&& (< monoandroid) (< net46) (>= netstandard1.3) (< netstandard1.6)) (&& (< monotouch) (< net46) (>= netstandard1.6) (< xamarinios) (< xamarinmac) (< xamarintvos) (< xamarinwatchos))
    System.Collections (4.3) - restriction: >= netcoreapp2.0
      Microsoft.NETCore.Platforms (>= 1.1) - restriction: || (>= dnxcore50) (&& (< monoandroid) (< monotouch) (< net45) (>= netstandard1.3) (< win8) (< wpa81) (< xamarinios) (< xamarinmac) (< xamarintvos) (< xamarinwatchos)) (&& (< monoandroid) (< net45) (>= netstandard1.0) (< netstandard1.3) (< win8) (< wp8) (< wpa81))
      Microsoft.NETCore.Targets (>= 1.1) - restriction: || (>= dnxcore50) (&& (< monoandroid) (< monotouch) (< net45) (>= netstandard1.3) (< win8) (< wpa81) (< xamarinios) (< xamarinmac) (< xamarintvos) (< xamarinwatchos)) (&& (< monoandroid) (< net45) (>= netstandard1.0) (< netstandard1.3) (< win8) (< wp8) (< wpa81))
      System.Runtime (>= 4.3) - restriction: || (>= dnxcore50) (&& (< monoandroid) (< monotouch) (< net45) (>= netstandard1.3) (< win8) (< wpa81) (< xamarinios) (< xamarinmac) (< xamarintvos) (< xamarinwatchos)) (&& (< monoandroid) (< net45) (>= netstandard1.0) (< netstandard1.3) (< win8) (< wp8) (< wpa81))
    System.Collections.Concurrent (4.3) - restriction: >= netcoreapp2.0
      System.Collections (>= 4.3) - restriction: || (>= dnxcore50) (&& (< monoandroid) (< monotouch) (< net45) (>= netstandard1.3) (< win8) (< wpa81) (< xamarinios) (< xamarinmac) (< xamarintvos) (< xamarinwatchos))
      System.Diagnostics.Debug (>= 4.3) - restriction: || (>= dnxcore50) (&& (< monoandroid) (< monotouch) (< net45) (>= netstandard1.3) (< win8) (< wpa81) (< xamarinios) (< xamarinmac) (< xamarintvos) (< xamarinwatchos))
      System.Diagnostics.Tracing (>= 4.3) - restriction: || (>= dnxcore50) (&& (< monoandroid) (< monotouch) (< net45) (>= netstandard1.3) (< win8) (< wpa81) (< xamarinios) (< xamarinmac) (< xamarintvos) (< xamarinwatchos))
      System.Globalization (>= 4.3) - restriction: || (>= dnxcore50) (&& (< monoandroid) (< monotouch) (< net45) (>= netstandard1.3) (< win8) (< wpa81) (< xamarinios) (< xamarinmac) (< xamarintvos) (< xamarinwatchos))
      System.Reflection (>= 4.3) - restriction: && (< monoandroid) (< monotouch) (< net45) (>= netstandard1.3) (< win8) (< wpa81) (< xamarinios) (< xamarinmac) (< xamarintvos) (< xamarinwatchos)
      System.Resources.ResourceManager (>= 4.3) - restriction: || (>= dnxcore50) (&& (< monoandroid) (< monotouch) (< net45) (>= netstandard1.3) (< win8) (< wpa81) (< xamarinios) (< xamarinmac) (< xamarintvos) (< xamarinwatchos))
      System.Runtime (>= 4.3) - restriction: || (>= dnxcore50) (&& (< monoandroid) (< monotouch) (< net45) (>= netstandard1.3) (< win8) (< wpa81) (< xamarinios) (< xamarinmac) (< xamarintvos) (< xamarinwatchos)) (&& (< monoandroid) (< net45) (>= netstandard1.1) (< netstandard1.3) (< win8) (< wpa81))
      System.Runtime.Extensions (>= 4.3) - restriction: || (>= dnxcore50) (&& (< monoandroid) (< monotouch) (< net45) (>= netstandard1.3) (< win8) (< wpa81) (< xamarinios) (< xamarinmac) (< xamarintvos) (< xamarinwatchos))
      System.Threading (>= 4.3) - restriction: || (>= dnxcore50) (&& (< monoandroid) (< monotouch) (< net45) (>= netstandard1.3) (< win8) (< wpa81) (< xamarinios) (< xamarinmac) (< xamarintvos) (< xamarinwatchos))
      System.Threading.Tasks (>= 4.3) - restriction: || (>= dnxcore50) (&& (< monoandroid) (< monotouch) (< net45) (>= netstandard1.3) (< win8) (< wpa81) (< xamarinios) (< xamarinmac) (< xamarintvos) (< xamarinwatchos)) (&& (< monoandroid) (< net45) (>= netstandard1.1) (< netstandard1.3) (< win8) (< wpa81))
    System.Collections.Immutable (1.4) - restriction: >= netcoreapp2.0
    System.Configuration.ConfigurationManager (4.4.1) - restriction: >= netcoreapp2.0
      System.Security.Cryptography.ProtectedData (>= 4.4) - restriction: || (&& (< net461) (>= netstandard2.0)) (>= netcoreapp2.0)
    System.Diagnostics.Debug (4.3) - restriction: >= netcoreapp2.0
      Microsoft.NETCore.Platforms (>= 1.1) - restriction: || (>= dnxcore50) (&& (< monoandroid) (< monotouch) (< net45) (>= netstandard1.3) (< win8) (< wpa81) (< xamarinios) (< xamarinmac) (< xamarintvos) (< xamarinwatchos)) (&& (< monoandroid) (< net45) (>= netstandard1.0) (< netstandard1.3) (< win8) (< wp8) (< wpa81))
      Microsoft.NETCore.Targets (>= 1.1) - restriction: || (>= dnxcore50) (&& (< monoandroid) (< monotouch) (< net45) (>= netstandard1.3) (< win8) (< wpa81) (< xamarinios) (< xamarinmac) (< xamarintvos) (< xamarinwatchos)) (&& (< monoandroid) (< net45) (>= netstandard1.0) (< netstandard1.3) (< win8) (< wp8) (< wpa81))
      System.Runtime (>= 4.3) - restriction: || (>= dnxcore50) (&& (< monoandroid) (< monotouch) (< net45) (>= netstandard1.3) (< win8) (< wpa81) (< xamarinios) (< xamarinmac) (< xamarintvos) (< xamarinwatchos)) (&& (< monoandroid) (< net45) (>= netstandard1.0) (< netstandard1.3) (< win8) (< wp8) (< wpa81))
    System.Diagnostics.Process (4.3) - restriction: >= netcoreapp2.0
      Microsoft.NETCore.Platforms (>= 1.1) - restriction: && (< monoandroid) (< monotouch) (< net46) (>= netstandard1.4) (< xamarinios) (< xamarinmac) (< xamarintvos) (< xamarinwatchos)
      Microsoft.Win32.Primitives (>= 4.3) - restriction: && (< monoandroid) (< monotouch) (< net46) (>= netstandard1.4) (< xamarinios) (< xamarinmac) (< xamarintvos) (< xamarinwatchos)
      Microsoft.Win32.Registry (>= 4.3) - restriction: && (< monoandroid) (< monotouch) (< net46) (>= netstandard1.4) (< xamarinios) (< xamarinmac) (< xamarintvos) (< xamarinwatchos)
      runtime.native.System (>= 4.3) - restriction: && (< monoandroid) (< monotouch) (< net46) (>= netstandard1.4) (< xamarinios) (< xamarinmac) (< xamarintvos) (< xamarinwatchos)
      System.Collections (>= 4.3) - restriction: && (< monoandroid) (< monotouch) (< net46) (>= netstandard1.4) (< xamarinios) (< xamarinmac) (< xamarintvos) (< xamarinwatchos)
      System.Diagnostics.Debug (>= 4.3) - restriction: && (< monoandroid) (< monotouch) (< net46) (>= netstandard1.4) (< xamarinios) (< xamarinmac) (< xamarintvos) (< xamarinwatchos)
      System.Globalization (>= 4.3) - restriction: && (< monoandroid) (< monotouch) (< net46) (>= netstandard1.4) (< xamarinios) (< xamarinmac) (< xamarintvos) (< xamarinwatchos)
      System.IO (>= 4.3) - restriction: || (&& (< monoandroid) (< monotouch) (< net46) (>= netstandard1.4) (< xamarinios) (< xamarinmac) (< xamarintvos) (< xamarinwatchos)) (&& (< monoandroid) (< net46) (>= netstandard1.3) (< netstandard1.4))
      System.IO.FileSystem (>= 4.3) - restriction: && (< monoandroid) (< monotouch) (< net46) (>= netstandard1.4) (< xamarinios) (< xamarinmac) (< xamarintvos) (< xamarinwatchos)
      System.IO.FileSystem.Primitives (>= 4.3) - restriction: && (< monoandroid) (< monotouch) (< net46) (>= netstandard1.4) (< xamarinios) (< xamarinmac) (< xamarintvos) (< xamarinwatchos)
      System.Resources.ResourceManager (>= 4.3) - restriction: && (< monoandroid) (< monotouch) (< net46) (>= netstandard1.4) (< xamarinios) (< xamarinmac) (< xamarintvos) (< xamarinwatchos)
      System.Runtime (>= 4.3) - restriction: || (&& (< monoandroid) (< monotouch) (< net46) (>= netstandard1.4) (< xamarinios) (< xamarinmac) (< xamarintvos) (< xamarinwatchos)) (&& (< monoandroid) (< net46) (>= netstandard1.3) (< netstandard1.4))
      System.Runtime.Extensions (>= 4.3) - restriction: && (< monoandroid) (< monotouch) (< net46) (>= netstandard1.4) (< xamarinios) (< xamarinmac) (< xamarintvos) (< xamarinwatchos)
      System.Runtime.Handles (>= 4.3) - restriction: || (&& (< monoandroid) (< monotouch) (< net46) (>= netstandard1.4) (< xamarinios) (< xamarinmac) (< xamarintvos) (< xamarinwatchos)) (&& (< monoandroid) (< net46) (>= netstandard1.3) (< netstandard1.4))
      System.Runtime.InteropServices (>= 4.3) - restriction: && (< monoandroid) (< monotouch) (< net46) (>= netstandard1.4) (< xamarinios) (< xamarinmac) (< xamarintvos) (< xamarinwatchos)
      System.Text.Encoding (>= 4.3) - restriction: || (&& (< monoandroid) (< monotouch) (< net46) (>= netstandard1.4) (< xamarinios) (< xamarinmac) (< xamarintvos) (< xamarinwatchos)) (&& (< monoandroid) (< net46) (>= netstandard1.3) (< netstandard1.4))
      System.Text.Encoding.Extensions (>= 4.3) - restriction: && (< monoandroid) (< monotouch) (< net46) (>= netstandard1.4) (< xamarinios) (< xamarinmac) (< xamarintvos) (< xamarinwatchos)
      System.Threading (>= 4.3) - restriction: && (< monoandroid) (< monotouch) (< net46) (>= netstandard1.4) (< xamarinios) (< xamarinmac) (< xamarintvos) (< xamarinwatchos)
      System.Threading.Tasks (>= 4.3) - restriction: && (< monoandroid) (< monotouch) (< net46) (>= netstandard1.4) (< xamarinios) (< xamarinmac) (< xamarintvos) (< xamarinwatchos)
      System.Threading.Thread (>= 4.3) - restriction: && (< monoandroid) (< monotouch) (< net46) (>= netstandard1.4) (< xamarinios) (< xamarinmac) (< xamarintvos) (< xamarinwatchos)
      System.Threading.ThreadPool (>= 4.3) - restriction: && (< monoandroid) (< monotouch) (< net46) (>= netstandard1.4) (< xamarinios) (< xamarinmac) (< xamarintvos) (< xamarinwatchos)
    System.Diagnostics.TraceSource (4.3) - restriction: >= netcoreapp2.0
      Microsoft.NETCore.Platforms (>= 1.1) - restriction: && (< monoandroid) (< monotouch) (< net46) (>= netstandard1.3) (< xamarinios) (< xamarinmac) (< xamarintvos) (< xamarinwatchos)
      runtime.native.System (>= 4.3) - restriction: && (< monoandroid) (< monotouch) (< net46) (>= netstandard1.3) (< xamarinios) (< xamarinmac) (< xamarintvos) (< xamarinwatchos)
      System.Collections (>= 4.3) - restriction: && (< monoandroid) (< monotouch) (< net46) (>= netstandard1.3) (< xamarinios) (< xamarinmac) (< xamarintvos) (< xamarinwatchos)
      System.Diagnostics.Debug (>= 4.3) - restriction: && (< monoandroid) (< monotouch) (< net46) (>= netstandard1.3) (< xamarinios) (< xamarinmac) (< xamarintvos) (< xamarinwatchos)
      System.Globalization (>= 4.3) - restriction: && (< monoandroid) (< monotouch) (< net46) (>= netstandard1.3) (< xamarinios) (< xamarinmac) (< xamarintvos) (< xamarinwatchos)
      System.Resources.ResourceManager (>= 4.3) - restriction: && (< monoandroid) (< monotouch) (< net46) (>= netstandard1.3) (< xamarinios) (< xamarinmac) (< xamarintvos) (< xamarinwatchos)
      System.Runtime (>= 4.3) - restriction: && (< monoandroid) (< monotouch) (< net46) (>= netstandard1.3) (< xamarinios) (< xamarinmac) (< xamarintvos) (< xamarinwatchos)
      System.Runtime.Extensions (>= 4.3) - restriction: && (< monoandroid) (< monotouch) (< net46) (>= netstandard1.3) (< xamarinios) (< xamarinmac) (< xamarintvos) (< xamarinwatchos)
      System.Threading (>= 4.3) - restriction: && (< monoandroid) (< monotouch) (< net46) (>= netstandard1.3) (< xamarinios) (< xamarinmac) (< xamarintvos) (< xamarinwatchos)
    System.Diagnostics.Tracing (4.3) - restriction: >= netcoreapp2.0
      Microsoft.NETCore.Platforms (>= 1.1) - restriction: || (>= dnxcore50) (&& (< monoandroid) (< monotouch) (< net45) (>= netstandard1.5) (< win8) (< wpa81) (< xamarinios) (< xamarinmac) (< xamarintvos) (< xamarinwatchos)) (&& (< monoandroid) (< net45) (>= netstandard1.1) (< netstandard1.2) (< win8)) (&& (< monoandroid) (< net45) (>= netstandard1.2) (< netstandard1.3) (< win8) (< wpa81)) (&& (< monoandroid) (< net45) (>= netstandard1.3) (< netstandard1.5) (< win8) (< wpa81))
      Microsoft.NETCore.Targets (>= 1.1) - restriction: || (>= dnxcore50) (&& (< monoandroid) (< monotouch) (< net45) (>= netstandard1.5) (< win8) (< wpa81) (< xamarinios) (< xamarinmac) (< xamarintvos) (< xamarinwatchos)) (&& (< monoandroid) (< net45) (>= netstandard1.1) (< netstandard1.2) (< win8)) (&& (< monoandroid) (< net45) (>= netstandard1.2) (< netstandard1.3) (< win8) (< wpa81)) (&& (< monoandroid) (< net45) (>= netstandard1.3) (< netstandard1.5) (< win8) (< wpa81))
      System.Runtime (>= 4.3) - restriction: || (>= dnxcore50) (&& (< monoandroid) (< monotouch) (< net45) (>= netstandard1.5) (< win8) (< wpa81) (< xamarinios) (< xamarinmac) (< xamarintvos) (< xamarinwatchos)) (&& (< monoandroid) (< net45) (>= netstandard1.1) (< netstandard1.2) (< win8)) (&& (< monoandroid) (< net45) (>= netstandard1.2) (< netstandard1.3) (< win8) (< wpa81)) (&& (< monoandroid) (< net45) (>= netstandard1.3) (< netstandard1.5) (< win8) (< wpa81))
    System.Globalization (4.3) - restriction: >= netcoreapp2.0
      Microsoft.NETCore.Platforms (>= 1.1) - restriction: || (>= dnxcore50) (&& (< monoandroid) (< monotouch) (< net45) (>= netstandard1.3) (< win8) (< wpa81) (< xamarinios) (< xamarinmac) (< xamarintvos) (< xamarinwatchos)) (&& (< monoandroid) (< net45) (>= netstandard1.0) (< netstandard1.3) (< win8) (< wp8) (< wpa81))
      Microsoft.NETCore.Targets (>= 1.1) - restriction: || (>= dnxcore50) (&& (< monoandroid) (< monotouch) (< net45) (>= netstandard1.3) (< win8) (< wpa81) (< xamarinios) (< xamarinmac) (< xamarintvos) (< xamarinwatchos)) (&& (< monoandroid) (< net45) (>= netstandard1.0) (< netstandard1.3) (< win8) (< wp8) (< wpa81))
      System.Runtime (>= 4.3) - restriction: || (>= dnxcore50) (&& (< monoandroid) (< monotouch) (< net45) (>= netstandard1.3) (< win8) (< wpa81) (< xamarinios) (< xamarinmac) (< xamarintvos) (< xamarinwatchos)) (&& (< monoandroid) (< net45) (>= netstandard1.0) (< netstandard1.3) (< win8) (< wp8) (< wpa81))
    System.IO (4.3) - restriction: >= netcoreapp2.0
      Microsoft.NETCore.Platforms (>= 1.1) - restriction: || (>= dnxcore50) (&& (< monoandroid) (< monotouch) (< net45) (>= netstandard1.5) (< win8) (< wpa81) (< xamarinios) (< xamarinmac) (< xamarintvos) (< xamarinwatchos)) (&& (< monoandroid) (< net45) (>= netstandard1.0) (< netstandard1.3) (< win8) (< wp8) (< wpa81)) (&& (< monoandroid) (< net45) (>= netstandard1.3) (< netstandard1.5) (< win8) (< wpa81))
      Microsoft.NETCore.Targets (>= 1.1) - restriction: || (>= dnxcore50) (&& (< monoandroid) (< monotouch) (< net45) (>= netstandard1.5) (< win8) (< wpa81) (< xamarinios) (< xamarinmac) (< xamarintvos) (< xamarinwatchos)) (&& (< monoandroid) (< net45) (>= netstandard1.0) (< netstandard1.3) (< win8) (< wp8) (< wpa81)) (&& (< monoandroid) (< net45) (>= netstandard1.3) (< netstandard1.5) (< win8) (< wpa81))
      System.Runtime (>= 4.3) - restriction: || (>= dnxcore50) (&& (< monoandroid) (< monotouch) (< net45) (>= netstandard1.5) (< win8) (< wpa81) (< xamarinios) (< xamarinmac) (< xamarintvos) (< xamarinwatchos)) (&& (< monoandroid) (< net45) (>= netstandard1.0) (< netstandard1.3) (< win8) (< wp8) (< wpa81)) (&& (< monoandroid) (< net45) (>= netstandard1.3) (< netstandard1.5) (< win8) (< wpa81))
      System.Text.Encoding (>= 4.3) - restriction: || (>= dnxcore50) (&& (< monoandroid) (< monotouch) (< net45) (>= netstandard1.5) (< win8) (< wpa81) (< xamarinios) (< xamarinmac) (< xamarintvos) (< xamarinwatchos)) (&& (< monoandroid) (< net45) (>= netstandard1.0) (< netstandard1.3) (< win8) (< wp8) (< wpa81)) (&& (< monoandroid) (< net45) (>= netstandard1.3) (< netstandard1.5) (< win8) (< wpa81))
      System.Threading.Tasks (>= 4.3) - restriction: || (>= dnxcore50) (&& (< monoandroid) (< monotouch) (< net45) (>= netstandard1.5) (< win8) (< wpa81) (< xamarinios) (< xamarinmac) (< xamarintvos) (< xamarinwatchos)) (&& (< monoandroid) (< net45) (>= netstandard1.0) (< netstandard1.3) (< win8) (< wp8) (< wpa81)) (&& (< monoandroid) (< net45) (>= netstandard1.3) (< netstandard1.5) (< win8) (< wpa81))
    System.IO.FileSystem (4.3) - restriction: >= netcoreapp2.0
      Microsoft.NETCore.Platforms (>= 1.1) - restriction: && (< monoandroid) (< monotouch) (< net46) (>= netstandard1.3) (< xamarinios) (< xamarinmac) (< xamarintvos) (< xamarinwatchos)
      Microsoft.NETCore.Targets (>= 1.1) - restriction: && (< monoandroid) (< monotouch) (< net46) (>= netstandard1.3) (< xamarinios) (< xamarinmac) (< xamarintvos) (< xamarinwatchos)
      System.IO (>= 4.3) - restriction: && (< monoandroid) (< monotouch) (< net46) (>= netstandard1.3) (< xamarinios) (< xamarinmac) (< xamarintvos) (< xamarinwatchos)
      System.IO.FileSystem.Primitives (>= 4.3) - restriction: || (&& (< monoandroid) (< monotouch) (>= netstandard1.3) (< xamarinios) (< xamarinmac) (< xamarintvos) (< xamarinwatchos)) (>= net46)
      System.Runtime (>= 4.3) - restriction: && (< monoandroid) (< monotouch) (< net46) (>= netstandard1.3) (< xamarinios) (< xamarinmac) (< xamarintvos) (< xamarinwatchos)
      System.Runtime.Handles (>= 4.3) - restriction: && (< monoandroid) (< monotouch) (< net46) (>= netstandard1.3) (< xamarinios) (< xamarinmac) (< xamarintvos) (< xamarinwatchos)
      System.Text.Encoding (>= 4.3) - restriction: && (< monoandroid) (< monotouch) (< net46) (>= netstandard1.3) (< xamarinios) (< xamarinmac) (< xamarintvos) (< xamarinwatchos)
      System.Threading.Tasks (>= 4.3) - restriction: && (< monoandroid) (< monotouch) (< net46) (>= netstandard1.3) (< xamarinios) (< xamarinmac) (< xamarintvos) (< xamarinwatchos)
    System.IO.FileSystem.Primitives (4.3) - restriction: >= netcoreapp2.0
      System.Runtime (>= 4.3) - restriction: && (< monoandroid) (< monotouch) (< net46) (>= netstandard1.3) (< xamarinios) (< xamarinmac) (< xamarintvos) (< xamarinwatchos)
    System.Linq (4.3) - restriction: >= netcoreapp2.0
      System.Collections (>= 4.3) - restriction: || (>= dnxcore50) (&& (< monoandroid) (< monotouch) (< net45) (>= netstandard1.6) (< win8) (< wpa81) (< xamarinios) (< xamarinmac) (< xamarintvos) (< xamarinwatchos)) (&& (< monoandroid) (< net45) (>= netstandard1.0) (< netstandard1.6) (< win8) (< wp8) (< wpa81))
      System.Diagnostics.Debug (>= 4.3) - restriction: || (>= dnxcore50) (&& (< monoandroid) (< monotouch) (< net45) (>= netstandard1.6) (< win8) (< wpa81) (< xamarinios) (< xamarinmac) (< xamarintvos) (< xamarinwatchos))
      System.Resources.ResourceManager (>= 4.3) - restriction: || (>= dnxcore50) (&& (< monoandroid) (< monotouch) (< net45) (>= netstandard1.6) (< win8) (< wpa81) (< xamarinios) (< xamarinmac) (< xamarintvos) (< xamarinwatchos))
      System.Runtime (>= 4.3) - restriction: || (>= dnxcore50) (&& (< monoandroid) (< monotouch) (< net45) (>= netstandard1.6) (< win8) (< wpa81) (< xamarinios) (< xamarinmac) (< xamarintvos) (< xamarinwatchos)) (&& (< monoandroid) (< net45) (>= netstandard1.0) (< netstandard1.6) (< win8) (< wp8) (< wpa81))
      System.Runtime.Extensions (>= 4.3) - restriction: || (>= dnxcore50) (&& (< monoandroid) (< monotouch) (< net45) (>= netstandard1.6) (< win8) (< wpa81) (< xamarinios) (< xamarinmac) (< xamarintvos) (< xamarinwatchos))
    System.Reflection (4.3) - restriction: >= netcoreapp2.0
      Microsoft.NETCore.Platforms (>= 1.1) - restriction: || (>= dnxcore50) (&& (< monoandroid) (< monotouch) (< net45) (>= netstandard1.5) (< win8) (< wpa81) (< xamarinios) (< xamarinmac) (< xamarintvos) (< xamarinwatchos)) (&& (< monoandroid) (< net45) (>= netstandard1.0) (< netstandard1.3) (< win8) (< wp8) (< wpa81)) (&& (< monoandroid) (< net45) (>= netstandard1.3) (< netstandard1.5) (< win8) (< wpa81))
      Microsoft.NETCore.Targets (>= 1.1) - restriction: || (>= dnxcore50) (&& (< monoandroid) (< monotouch) (< net45) (>= netstandard1.5) (< win8) (< wpa81) (< xamarinios) (< xamarinmac) (< xamarintvos) (< xamarinwatchos)) (&& (< monoandroid) (< net45) (>= netstandard1.0) (< netstandard1.3) (< win8) (< wp8) (< wpa81)) (&& (< monoandroid) (< net45) (>= netstandard1.3) (< netstandard1.5) (< win8) (< wpa81))
      System.IO (>= 4.3) - restriction: || (>= dnxcore50) (&& (< monoandroid) (< monotouch) (< net45) (>= netstandard1.5) (< win8) (< wpa81) (< xamarinios) (< xamarinmac) (< xamarintvos) (< xamarinwatchos)) (&& (< monoandroid) (< net45) (>= netstandard1.0) (< netstandard1.3) (< win8) (< wp8) (< wpa81)) (&& (< monoandroid) (< net45) (>= netstandard1.3) (< netstandard1.5) (< win8) (< wpa81))
      System.Reflection.Primitives (>= 4.3) - restriction: || (>= dnxcore50) (&& (< monoandroid) (< monotouch) (< net45) (>= netstandard1.5) (< win8) (< wpa81) (< xamarinios) (< xamarinmac) (< xamarintvos) (< xamarinwatchos)) (&& (< monoandroid) (< net45) (>= netstandard1.0) (< netstandard1.3) (< win8) (< wp8) (< wpa81)) (&& (< monoandroid) (< net45) (>= netstandard1.3) (< netstandard1.5) (< win8) (< wpa81))
      System.Runtime (>= 4.3) - restriction: || (>= dnxcore50) (&& (< monoandroid) (< monotouch) (< net45) (>= netstandard1.5) (< win8) (< wpa81) (< xamarinios) (< xamarinmac) (< xamarintvos) (< xamarinwatchos)) (&& (< monoandroid) (< net45) (>= netstandard1.0) (< netstandard1.3) (< win8) (< wp8) (< wpa81)) (&& (< monoandroid) (< net45) (>= netstandard1.3) (< netstandard1.5) (< win8) (< wpa81))
    System.Reflection.Emit (4.3) - restriction: >= netcoreapp2.0
      System.IO (>= 4.3) - restriction: && (< monoandroid) (< monotouch) (< net45) (>= netstandard1.1) (< xamarinios) (< xamarinmac) (< xamarintvos) (< xamarinwatchos)
      System.Reflection (>= 4.3) - restriction: && (< monoandroid) (< monotouch) (< net45) (>= netstandard1.1) (< xamarinios) (< xamarinmac) (< xamarintvos) (< xamarinwatchos)
      System.Reflection.Emit.ILGeneration (>= 4.3) - restriction: && (< monoandroid) (< monotouch) (< net45) (>= netstandard1.1) (< xamarinios) (< xamarinmac) (< xamarintvos) (< xamarinwatchos)
      System.Reflection.Primitives (>= 4.3) - restriction: && (< monoandroid) (< monotouch) (< net45) (>= netstandard1.1) (< xamarinios) (< xamarinmac) (< xamarintvos) (< xamarinwatchos)
      System.Runtime (>= 4.3) - restriction: && (< monoandroid) (< monotouch) (< net45) (>= netstandard1.1) (< xamarinios) (< xamarinmac) (< xamarintvos) (< xamarinwatchos)
    System.Reflection.Emit.ILGeneration (4.3) - restriction: >= netcoreapp2.0
      System.Reflection (>= 4.3) - restriction: && (< monoandroid) (< monotouch) (< net45) (>= netstandard1.0) (< wp8) (< xamarinios) (< xamarinmac) (< xamarintvos) (< xamarinwatchos)
      System.Reflection.Primitives (>= 4.3) - restriction: && (< monoandroid) (< monotouch) (< net45) (>= netstandard1.0) (< wp8) (< xamarinios) (< xamarinmac) (< xamarintvos) (< xamarinwatchos)
      System.Runtime (>= 4.3) - restriction: && (< monoandroid) (< monotouch) (< net45) (>= netstandard1.0) (< wp8) (< xamarinios) (< xamarinmac) (< xamarintvos) (< xamarinwatchos)
    System.Reflection.Extensions (4.3) - restriction: >= netcoreapp2.0
      Microsoft.NETCore.Platforms (>= 1.1) - restriction: || (>= dnxcore50) (&& (< monoandroid) (< monotouch) (< net45) (>= netstandard1.0) (< win8) (< wp8) (< wpa81) (< xamarinios) (< xamarinmac) (< xamarintvos) (< xamarinwatchos))
      Microsoft.NETCore.Targets (>= 1.1) - restriction: || (>= dnxcore50) (&& (< monoandroid) (< monotouch) (< net45) (>= netstandard1.0) (< win8) (< wp8) (< wpa81) (< xamarinios) (< xamarinmac) (< xamarintvos) (< xamarinwatchos))
      System.Reflection (>= 4.3) - restriction: || (>= dnxcore50) (&& (< monoandroid) (< monotouch) (< net45) (>= netstandard1.0) (< win8) (< wp8) (< wpa81) (< xamarinios) (< xamarinmac) (< xamarintvos) (< xamarinwatchos))
      System.Runtime (>= 4.3) - restriction: || (>= dnxcore50) (&& (< monoandroid) (< monotouch) (< net45) (>= netstandard1.0) (< win8) (< wp8) (< wpa81) (< xamarinios) (< xamarinmac) (< xamarintvos) (< xamarinwatchos))
    System.Reflection.Metadata (1.5) - restriction: >= netcoreapp2.0
    System.Reflection.Primitives (4.3) - restriction: >= netcoreapp2.0
      Microsoft.NETCore.Platforms (>= 1.1) - restriction: || (>= dnxcore50) (&& (< monoandroid) (< monotouch) (< net45) (>= netstandard1.0) (< win8) (< wp8) (< wpa81) (< xamarinios) (< xamarinmac) (< xamarintvos) (< xamarinwatchos))
      Microsoft.NETCore.Targets (>= 1.1) - restriction: || (>= dnxcore50) (&& (< monoandroid) (< monotouch) (< net45) (>= netstandard1.0) (< win8) (< wp8) (< wpa81) (< xamarinios) (< xamarinmac) (< xamarintvos) (< xamarinwatchos))
      System.Runtime (>= 4.3) - restriction: || (>= dnxcore50) (&& (< monoandroid) (< monotouch) (< net45) (>= netstandard1.0) (< win8) (< wp8) (< wpa81) (< xamarinios) (< xamarinmac) (< xamarintvos) (< xamarinwatchos))
    System.Reflection.TypeExtensions (4.4) - restriction: >= netcoreapp2.0
    System.Resources.ResourceManager (4.3) - restriction: >= netcoreapp2.0
      Microsoft.NETCore.Platforms (>= 1.1) - restriction: || (>= dnxcore50) (&& (< monoandroid) (< monotouch) (< net45) (>= netstandard1.0) (< win8) (< wp8) (< wpa81) (< xamarinios) (< xamarinmac) (< xamarintvos) (< xamarinwatchos))
      Microsoft.NETCore.Targets (>= 1.1) - restriction: || (>= dnxcore50) (&& (< monoandroid) (< monotouch) (< net45) (>= netstandard1.0) (< win8) (< wp8) (< wpa81) (< xamarinios) (< xamarinmac) (< xamarintvos) (< xamarinwatchos))
      System.Globalization (>= 4.3) - restriction: || (>= dnxcore50) (&& (< monoandroid) (< monotouch) (< net45) (>= netstandard1.0) (< win8) (< wp8) (< wpa81) (< xamarinios) (< xamarinmac) (< xamarintvos) (< xamarinwatchos))
      System.Reflection (>= 4.3) - restriction: || (>= dnxcore50) (&& (< monoandroid) (< monotouch) (< net45) (>= netstandard1.0) (< win8) (< wp8) (< wpa81) (< xamarinios) (< xamarinmac) (< xamarintvos) (< xamarinwatchos))
      System.Runtime (>= 4.3) - restriction: || (>= dnxcore50) (&& (< monoandroid) (< monotouch) (< net45) (>= netstandard1.0) (< win8) (< wp8) (< wpa81) (< xamarinios) (< xamarinmac) (< xamarintvos) (< xamarinwatchos))
    System.Runtime (4.3) - restriction: >= netcoreapp2.0
      Microsoft.NETCore.Platforms (>= 1.1) - restriction: || (>= dnxcore50) (&& (< monoandroid) (< monotouch) (< net45) (>= netstandard1.5) (< win8) (< wpa81) (< xamarinios) (< xamarinmac) (< xamarintvos) (< xamarinwatchos)) (&& (< monoandroid) (< net45) (>= netstandard1.0) (< netstandard1.2) (< win8) (< wp8)) (&& (< monoandroid) (< net45) (>= netstandard1.2) (< netstandard1.3) (< win8) (< wpa81)) (&& (< monoandroid) (< net45) (>= netstandard1.3) (< netstandard1.5) (< win8) (< wpa81))
      Microsoft.NETCore.Targets (>= 1.1) - restriction: || (>= dnxcore50) (&& (< monoandroid) (< monotouch) (< net45) (>= netstandard1.5) (< win8) (< wpa81) (< xamarinios) (< xamarinmac) (< xamarintvos) (< xamarinwatchos)) (&& (< monoandroid) (< net45) (>= netstandard1.0) (< netstandard1.2) (< win8) (< wp8)) (&& (< monoandroid) (< net45) (>= netstandard1.2) (< netstandard1.3) (< win8) (< wpa81)) (&& (< monoandroid) (< net45) (>= netstandard1.3) (< netstandard1.5) (< win8) (< wpa81))
    System.Runtime.Extensions (4.3) - restriction: >= netcoreapp2.0
      Microsoft.NETCore.Platforms (>= 1.1) - restriction: || (>= dnxcore50) (&& (< monoandroid) (< monotouch) (< net45) (>= netstandard1.5) (< win8) (< wpa81) (< xamarinios) (< xamarinmac) (< xamarintvos) (< xamarinwatchos)) (&& (< monoandroid) (< net45) (>= netstandard1.0) (< netstandard1.3) (< win8) (< wp8) (< wpa81)) (&& (< monoandroid) (< net45) (>= netstandard1.3) (< netstandard1.5) (< win8) (< wpa81))
      Microsoft.NETCore.Targets (>= 1.1) - restriction: || (>= dnxcore50) (&& (< monoandroid) (< monotouch) (< net45) (>= netstandard1.5) (< win8) (< wpa81) (< xamarinios) (< xamarinmac) (< xamarintvos) (< xamarinwatchos)) (&& (< monoandroid) (< net45) (>= netstandard1.0) (< netstandard1.3) (< win8) (< wp8) (< wpa81)) (&& (< monoandroid) (< net45) (>= netstandard1.3) (< netstandard1.5) (< win8) (< wpa81))
      System.Runtime (>= 4.3) - restriction: || (>= dnxcore50) (&& (< monoandroid) (< monotouch) (< net45) (>= netstandard1.5) (< win8) (< wpa81) (< xamarinios) (< xamarinmac) (< xamarintvos) (< xamarinwatchos)) (&& (< monoandroid) (< net45) (>= netstandard1.0) (< netstandard1.3) (< win8) (< wp8) (< wpa81)) (&& (< monoandroid) (< net45) (>= netstandard1.3) (< netstandard1.5) (< win8) (< wpa81))
    System.Runtime.Handles (4.3) - restriction: >= netcoreapp2.0
      Microsoft.NETCore.Platforms (>= 1.1) - restriction: && (< monoandroid) (< monotouch) (< net46) (>= netstandard1.3) (< xamarinios) (< xamarinmac) (< xamarintvos) (< xamarinwatchos)
      Microsoft.NETCore.Targets (>= 1.1) - restriction: && (< monoandroid) (< monotouch) (< net46) (>= netstandard1.3) (< xamarinios) (< xamarinmac) (< xamarintvos) (< xamarinwatchos)
      System.Runtime (>= 4.3) - restriction: && (< monoandroid) (< monotouch) (< net46) (>= netstandard1.3) (< xamarinios) (< xamarinmac) (< xamarintvos) (< xamarinwatchos)
    System.Runtime.InteropServices (4.3) - restriction: >= netcoreapp2.0
      Microsoft.NETCore.Platforms (>= 1.1) - restriction: || (>= dnxcore50) (&& (< monoandroid) (< monotouch) (< net45) (>= netstandard1.5) (< win8) (< wpa81) (< xamarinios) (< xamarinmac) (< xamarintvos) (< xamarinwatchos)) (&& (< monoandroid) (< net45) (>= netstandard1.1) (< netstandard1.2) (< win8)) (&& (< monoandroid) (< net45) (>= netstandard1.2) (< netstandard1.3) (< win8) (< wpa81)) (&& (< monoandroid) (< net45) (>= netstandard1.3) (< netstandard1.5) (< win8) (< wpa81)) (>= netcoreapp1.1)
      Microsoft.NETCore.Targets (>= 1.1) - restriction: || (>= dnxcore50) (&& (< monoandroid) (< monotouch) (< net45) (>= netstandard1.5) (< win8) (< wpa81) (< xamarinios) (< xamarinmac) (< xamarintvos) (< xamarinwatchos)) (&& (< monoandroid) (< net45) (>= netstandard1.1) (< netstandard1.2) (< win8)) (&& (< monoandroid) (< net45) (>= netstandard1.2) (< netstandard1.3) (< win8) (< wpa81)) (&& (< monoandroid) (< net45) (>= netstandard1.3) (< netstandard1.5) (< win8) (< wpa81)) (>= netcoreapp1.1)
      System.Reflection (>= 4.3) - restriction: || (>= dnxcore50) (&& (< monoandroid) (< monotouch) (< net45) (>= netstandard1.5) (< win8) (< wpa81) (< xamarinios) (< xamarinmac) (< xamarintvos) (< xamarinwatchos)) (&& (< monoandroid) (< net45) (>= netstandard1.1) (< netstandard1.2) (< win8)) (&& (< monoandroid) (< net45) (>= netstandard1.2) (< netstandard1.3) (< win8) (< wpa81)) (&& (< monoandroid) (< net45) (>= netstandard1.3) (< netstandard1.5) (< win8) (< wpa81)) (>= netcoreapp1.1)
      System.Reflection.Primitives (>= 4.3) - restriction: || (>= dnxcore50) (&& (< monoandroid) (< monotouch) (< net45) (>= netstandard1.5) (< win8) (< wpa81) (< xamarinios) (< xamarinmac) (< xamarintvos) (< xamarinwatchos)) (&& (< monoandroid) (< net45) (>= netstandard1.1) (< netstandard1.2) (< win8)) (&& (< monoandroid) (< net45) (>= netstandard1.2) (< netstandard1.3) (< win8) (< wpa81)) (&& (< monoandroid) (< net45) (>= netstandard1.3) (< netstandard1.5) (< win8) (< wpa81)) (>= netcoreapp1.1)
      System.Runtime (>= 4.3) - restriction: || (>= dnxcore50) (&& (< monoandroid) (< monotouch) (< net45) (>= netstandard1.5) (< win8) (< wpa81) (< xamarinios) (< xamarinmac) (< xamarintvos) (< xamarinwatchos)) (&& (< monoandroid) (< net45) (>= netstandard1.1) (< netstandard1.2) (< win8)) (&& (< monoandroid) (< net45) (>= netstandard1.2) (< netstandard1.3) (< win8) (< wpa81)) (&& (< monoandroid) (< net45) (>= netstandard1.3) (< netstandard1.5) (< win8) (< wpa81)) (>= net462) (>= netcoreapp1.1)
      System.Runtime.Handles (>= 4.3) - restriction: || (>= dnxcore50) (&& (< monoandroid) (< monotouch) (< net45) (>= netstandard1.5) (< win8) (< wpa81) (< xamarinios) (< xamarinmac) (< xamarintvos) (< xamarinwatchos)) (&& (< monoandroid) (< net45) (>= netstandard1.3) (< netstandard1.5) (< win8) (< wpa81)) (>= netcoreapp1.1)
    System.Runtime.InteropServices.RuntimeInformation (4.3) - restriction: >= netcoreapp2.0
      runtime.native.System (>= 4.3) - restriction: && (< monoandroid) (< monotouch) (< net45) (>= netstandard1.1) (< win8) (< wpa81) (< xamarinios) (< xamarinmac) (< xamarintvos) (< xamarinwatchos)
      System.Reflection (>= 4.3) - restriction: || (>= dnxcore50) (&& (< monoandroid) (< monotouch) (< net45) (>= netstandard1.1) (< win8) (< wpa81) (< xamarinios) (< xamarinmac) (< xamarintvos) (< xamarinwatchos))
      System.Reflection.Extensions (>= 4.3) - restriction: || (>= dnxcore50) (&& (< monoandroid) (< monotouch) (< net45) (>= netstandard1.1) (< win8) (< wpa81) (< xamarinios) (< xamarinmac) (< xamarintvos) (< xamarinwatchos))
      System.Resources.ResourceManager (>= 4.3) - restriction: || (>= dnxcore50) (&& (< monoandroid) (< monotouch) (< net45) (>= netstandard1.1) (< win8) (< wpa81) (< xamarinios) (< xamarinmac) (< xamarintvos) (< xamarinwatchos))
      System.Runtime (>= 4.3) - restriction: || (>= dnxcore50) (&& (< monoandroid) (< monotouch) (< net45) (>= netstandard1.1) (< win8) (< wpa81) (< xamarinios) (< xamarinmac) (< xamarintvos) (< xamarinwatchos))
      System.Runtime.InteropServices (>= 4.3) - restriction: && (< monoandroid) (< monotouch) (< net45) (>= netstandard1.1) (< win8) (< wpa81) (< xamarinios) (< xamarinmac) (< xamarintvos) (< xamarinwatchos)
      System.Threading (>= 4.3) - restriction: || (>= dnxcore50) (&& (< monoandroid) (< monotouch) (< net45) (>= netstandard1.1) (< win8) (< wpa81) (< xamarinios) (< xamarinmac) (< xamarintvos) (< xamarinwatchos))
    System.Runtime.Loader (4.3) - restriction: >= netcoreapp2.0
      System.IO (>= 4.3) - restriction: && (< monoandroid) (< monotouch) (< net462) (>= netstandard1.5) (< xamarinios) (< xamarinmac) (< xamarintvos) (< xamarinwatchos)
      System.Reflection (>= 4.3) - restriction: && (< monoandroid) (< monotouch) (< net462) (>= netstandard1.5) (< xamarinios) (< xamarinmac) (< xamarintvos) (< xamarinwatchos)
      System.Runtime (>= 4.3) - restriction: && (< monoandroid) (< monotouch) (< net462) (>= netstandard1.5) (< xamarinios) (< xamarinmac) (< xamarintvos) (< xamarinwatchos)
    System.Runtime.Numerics (4.3) - restriction: >= netcoreapp2.0
      System.Globalization (>= 4.3) - restriction: || (>= dnxcore50) (&& (< monoandroid) (< monotouch) (< net45) (>= netstandard1.3) (< win8) (< wpa81) (< xamarinios) (< xamarinmac) (< xamarintvos) (< xamarinwatchos))
      System.Resources.ResourceManager (>= 4.3) - restriction: || (>= dnxcore50) (&& (< monoandroid) (< monotouch) (< net45) (>= netstandard1.3) (< win8) (< wpa81) (< xamarinios) (< xamarinmac) (< xamarintvos) (< xamarinwatchos))
      System.Runtime (>= 4.3) - restriction: || (>= dnxcore50) (&& (< monoandroid) (< monotouch) (< net45) (>= netstandard1.3) (< win8) (< wpa81) (< xamarinios) (< xamarinmac) (< xamarintvos) (< xamarinwatchos)) (&& (< monoandroid) (< net45) (>= netstandard1.1) (< netstandard1.3) (< win8) (< wpa81))
      System.Runtime.Extensions (>= 4.3) - restriction: || (>= dnxcore50) (&& (< monoandroid) (< monotouch) (< net45) (>= netstandard1.3) (< win8) (< wpa81) (< xamarinios) (< xamarinmac) (< xamarintvos) (< xamarinwatchos))
    System.Security.AccessControl (4.4.1) - restriction: >= netcoreapp2.0
      Microsoft.NETCore.Platforms (>= 2.0) - restriction: >= netcoreapp2.0
      System.Security.Principal.Windows (>= 4.4) - restriction: || (>= monoandroid) (>= monotouch) (&& (>= net46) (< netstandard2.0)) (&& (< net46) (>= netstandard1.3) (< netstandard2.0)) (&& (< net46) (>= netstandard2.0)) (>= net461) (>= netcoreapp2.0) (>= xamarinios) (>= xamarinmac) (>= xamarintvos) (>= xamarinwatchos)
    System.Security.Cryptography.Algorithms (4.3.1) - restriction: >= netcoreapp2.0
      Microsoft.NETCore.Platforms (>= 1.1) - restriction: || (>= dnxcore50) (&& (< monoandroid) (< monotouch) (< net46) (>= netstandard1.6) (< xamarinios) (< xamarinmac) (< xamarintvos) (< xamarinwatchos))
      runtime.native.System.Security.Cryptography.Apple (>= 4.3.1) - restriction: && (< monoandroid) (< monotouch) (< net46) (>= netstandard1.6) (< xamarinios) (< xamarinmac) (< xamarintvos) (< xamarinwatchos)
      runtime.native.System.Security.Cryptography.OpenSsl (>= 4.3.2) - restriction: && (< monoandroid) (< monotouch) (< net46) (>= netstandard1.6) (< xamarinios) (< xamarinmac) (< xamarintvos) (< xamarinwatchos)
      System.Collections (>= 4.3) - restriction: && (< monoandroid) (< monotouch) (< net46) (>= netstandard1.6) (< xamarinios) (< xamarinmac) (< xamarintvos) (< xamarinwatchos)
      System.IO (>= 4.3) - restriction: || (>= dnxcore50) (&& (< monoandroid) (< monotouch) (< net46) (>= netstandard1.6) (< xamarinios) (< xamarinmac) (< xamarintvos) (< xamarinwatchos)) (&& (< monoandroid) (< net46) (>= netstandard1.3) (< netstandard1.4)) (&& (< monoandroid) (< net46) (>= netstandard1.4) (< netstandard1.6)) (>= net463)
      System.Resources.ResourceManager (>= 4.3) - restriction: || (>= dnxcore50) (&& (< monoandroid) (< monotouch) (< net46) (>= netstandard1.6) (< xamarinios) (< xamarinmac) (< xamarintvos) (< xamarinwatchos))
      System.Runtime (>= 4.3) - restriction: || (>= dnxcore50) (&& (< monoandroid) (< monotouch) (< net46) (>= netstandard1.6) (< xamarinios) (< xamarinmac) (< xamarintvos) (< xamarinwatchos)) (&& (< monoandroid) (< net46) (>= netstandard1.3) (< netstandard1.4)) (&& (< monoandroid) (< net46) (>= netstandard1.4) (< netstandard1.6)) (>= net463)
      System.Runtime.Extensions (>= 4.3) - restriction: || (>= dnxcore50) (&& (< monoandroid) (< monotouch) (< net46) (>= netstandard1.6) (< xamarinios) (< xamarinmac) (< xamarintvos) (< xamarinwatchos))
      System.Runtime.Handles (>= 4.3) - restriction: || (>= dnxcore50) (&& (< monoandroid) (< monotouch) (< net46) (>= netstandard1.6) (< xamarinios) (< xamarinmac) (< xamarintvos) (< xamarinwatchos))
      System.Runtime.InteropServices (>= 4.3) - restriction: || (>= dnxcore50) (&& (< monoandroid) (< monotouch) (< net46) (>= netstandard1.6) (< xamarinios) (< xamarinmac) (< xamarintvos) (< xamarinwatchos))
      System.Runtime.Numerics (>= 4.3) - restriction: && (< monoandroid) (< monotouch) (< net46) (>= netstandard1.6) (< xamarinios) (< xamarinmac) (< xamarintvos) (< xamarinwatchos)
      System.Security.Cryptography.Encoding (>= 4.3) - restriction: || (>= dnxcore50) (&& (< monoandroid) (< monotouch) (< net46) (>= netstandard1.6) (< xamarinios) (< xamarinmac) (< xamarintvos) (< xamarinwatchos)) (>= net463)
      System.Security.Cryptography.Primitives (>= 4.3) - restriction: || (>= dnxcore50) (&& (< monoandroid) (< monotouch) (< net46) (>= netstandard1.6) (< xamarinios) (< xamarinmac) (< xamarintvos) (< xamarinwatchos)) (&& (< monoandroid) (< net46) (>= netstandard1.3) (< netstandard1.4)) (&& (< monoandroid) (< net46) (>= netstandard1.4) (< netstandard1.6)) (&& (>= net46) (< netstandard1.4)) (&& (>= net461) (< netstandard1.6)) (>= net463)
      System.Text.Encoding (>= 4.3) - restriction: || (>= dnxcore50) (&& (< monoandroid) (< monotouch) (< net46) (>= netstandard1.6) (< xamarinios) (< xamarinmac) (< xamarintvos) (< xamarinwatchos))
    System.Security.Cryptography.Csp (4.3) - restriction: >= netcoreapp2.0
      Microsoft.NETCore.Platforms (>= 1.1) - restriction: && (< monoandroid) (< monotouch) (< net46) (>= netstandard1.3) (< xamarinios) (< xamarinmac) (< xamarintvos) (< xamarinwatchos)
      System.IO (>= 4.3) - restriction: && (< monoandroid) (< monotouch) (< net46) (>= netstandard1.3) (< xamarinios) (< xamarinmac) (< xamarintvos) (< xamarinwatchos)
      System.Reflection (>= 4.3) - restriction: && (< monoandroid) (< monotouch) (< net46) (>= netstandard1.3) (< xamarinios) (< xamarinmac) (< xamarintvos) (< xamarinwatchos)
      System.Resources.ResourceManager (>= 4.3) - restriction: && (< monoandroid) (< monotouch) (< net46) (>= netstandard1.3) (< xamarinios) (< xamarinmac) (< xamarintvos) (< xamarinwatchos)
      System.Runtime (>= 4.3) - restriction: && (< monoandroid) (< monotouch) (< net46) (>= netstandard1.3) (< xamarinios) (< xamarinmac) (< xamarintvos) (< xamarinwatchos)
      System.Runtime.Extensions (>= 4.3) - restriction: && (< monoandroid) (< monotouch) (< net46) (>= netstandard1.3) (< xamarinios) (< xamarinmac) (< xamarintvos) (< xamarinwatchos)
      System.Runtime.Handles (>= 4.3) - restriction: && (< monoandroid) (< monotouch) (< net46) (>= netstandard1.3) (< xamarinios) (< xamarinmac) (< xamarintvos) (< xamarinwatchos)
      System.Runtime.InteropServices (>= 4.3) - restriction: && (< monoandroid) (< monotouch) (< net46) (>= netstandard1.3) (< xamarinios) (< xamarinmac) (< xamarintvos) (< xamarinwatchos)
      System.Security.Cryptography.Algorithms (>= 4.3) - restriction: || (&& (< monoandroid) (< monotouch) (>= netstandard1.3) (< xamarinios) (< xamarinmac) (< xamarintvos) (< xamarinwatchos)) (>= net46)
      System.Security.Cryptography.Encoding (>= 4.3) - restriction: && (< monoandroid) (< monotouch) (< net46) (>= netstandard1.3) (< xamarinios) (< xamarinmac) (< xamarintvos) (< xamarinwatchos)
      System.Security.Cryptography.Primitives (>= 4.3) - restriction: || (&& (< monoandroid) (< monotouch) (>= netstandard1.3) (< xamarinios) (< xamarinmac) (< xamarintvos) (< xamarinwatchos)) (>= net46)
      System.Text.Encoding (>= 4.3) - restriction: && (< monoandroid) (< monotouch) (< net46) (>= netstandard1.3) (< xamarinios) (< xamarinmac) (< xamarintvos) (< xamarinwatchos)
      System.Threading (>= 4.3) - restriction: && (< monoandroid) (< monotouch) (< net46) (>= netstandard1.3) (< xamarinios) (< xamarinmac) (< xamarintvos) (< xamarinwatchos)
    System.Security.Cryptography.Encoding (4.3) - restriction: >= netcoreapp2.0
      Microsoft.NETCore.Platforms (>= 1.1) - restriction: && (< monoandroid) (< monotouch) (< net46) (>= netstandard1.3) (< xamarinios) (< xamarinmac) (< xamarintvos) (< xamarinwatchos)
      runtime.native.System.Security.Cryptography.OpenSsl (>= 4.3) - restriction: && (< monoandroid) (< monotouch) (< net46) (>= netstandard1.3) (< xamarinios) (< xamarinmac) (< xamarintvos) (< xamarinwatchos)
      System.Collections (>= 4.3) - restriction: && (< monoandroid) (< monotouch) (< net46) (>= netstandard1.3) (< xamarinios) (< xamarinmac) (< xamarintvos) (< xamarinwatchos)
      System.Collections.Concurrent (>= 4.3) - restriction: && (< monoandroid) (< monotouch) (< net46) (>= netstandard1.3) (< xamarinios) (< xamarinmac) (< xamarintvos) (< xamarinwatchos)
      System.Linq (>= 4.3) - restriction: && (< monoandroid) (< monotouch) (< net46) (>= netstandard1.3) (< xamarinios) (< xamarinmac) (< xamarintvos) (< xamarinwatchos)
      System.Resources.ResourceManager (>= 4.3) - restriction: && (< monoandroid) (< monotouch) (< net46) (>= netstandard1.3) (< xamarinios) (< xamarinmac) (< xamarintvos) (< xamarinwatchos)
      System.Runtime (>= 4.3) - restriction: && (< monoandroid) (< monotouch) (< net46) (>= netstandard1.3) (< xamarinios) (< xamarinmac) (< xamarintvos) (< xamarinwatchos)
      System.Runtime.Extensions (>= 4.3) - restriction: && (< monoandroid) (< monotouch) (< net46) (>= netstandard1.3) (< xamarinios) (< xamarinmac) (< xamarintvos) (< xamarinwatchos)
      System.Runtime.Handles (>= 4.3) - restriction: && (< monoandroid) (< monotouch) (< net46) (>= netstandard1.3) (< xamarinios) (< xamarinmac) (< xamarintvos) (< xamarinwatchos)
      System.Runtime.InteropServices (>= 4.3) - restriction: && (< monoandroid) (< monotouch) (< net46) (>= netstandard1.3) (< xamarinios) (< xamarinmac) (< xamarintvos) (< xamarinwatchos)
      System.Security.Cryptography.Primitives (>= 4.3) - restriction: && (< monoandroid) (< monotouch) (< net46) (>= netstandard1.3) (< xamarinios) (< xamarinmac) (< xamarintvos) (< xamarinwatchos)
      System.Text.Encoding (>= 4.3) - restriction: && (< monoandroid) (< monotouch) (< net46) (>= netstandard1.3) (< xamarinios) (< xamarinmac) (< xamarintvos) (< xamarinwatchos)
    System.Security.Cryptography.Primitives (4.3) - restriction: >= netcoreapp2.0
      System.Diagnostics.Debug (>= 4.3) - restriction: && (< monoandroid) (< monotouch) (< net46) (>= netstandard1.3) (< xamarinios) (< xamarinmac) (< xamarintvos) (< xamarinwatchos)
      System.Globalization (>= 4.3) - restriction: && (< monoandroid) (< monotouch) (< net46) (>= netstandard1.3) (< xamarinios) (< xamarinmac) (< xamarintvos) (< xamarinwatchos)
      System.IO (>= 4.3) - restriction: && (< monoandroid) (< monotouch) (< net46) (>= netstandard1.3) (< xamarinios) (< xamarinmac) (< xamarintvos) (< xamarinwatchos)
      System.Resources.ResourceManager (>= 4.3) - restriction: && (< monoandroid) (< monotouch) (< net46) (>= netstandard1.3) (< xamarinios) (< xamarinmac) (< xamarintvos) (< xamarinwatchos)
      System.Runtime (>= 4.3) - restriction: && (< monoandroid) (< monotouch) (< net46) (>= netstandard1.3) (< xamarinios) (< xamarinmac) (< xamarintvos) (< xamarinwatchos)
      System.Threading (>= 4.3) - restriction: && (< monoandroid) (< monotouch) (< net46) (>= netstandard1.3) (< xamarinios) (< xamarinmac) (< xamarintvos) (< xamarinwatchos)
      System.Threading.Tasks (>= 4.3) - restriction: && (< monoandroid) (< monotouch) (< net46) (>= netstandard1.3) (< xamarinios) (< xamarinmac) (< xamarintvos) (< xamarinwatchos)
    System.Security.Cryptography.ProtectedData (4.4) - restriction: >= netcoreapp2.0
    System.Security.Principal.Windows (4.4.1) - restriction: >= netcoreapp2.0
      Microsoft.NETCore.Platforms (>= 2.0) - restriction: >= netcoreapp2.0
    System.Text.Encoding (4.3) - restriction: >= netcoreapp2.0
      Microsoft.NETCore.Platforms (>= 1.1) - restriction: || (>= dnxcore50) (&& (< monoandroid) (< monotouch) (< net45) (>= netstandard1.3) (< win8) (< wpa81) (< xamarinios) (< xamarinmac) (< xamarintvos) (< xamarinwatchos)) (&& (< monoandroid) (< net45) (>= netstandard1.0) (< netstandard1.3) (< win8) (< wp8) (< wpa81))
      Microsoft.NETCore.Targets (>= 1.1) - restriction: || (>= dnxcore50) (&& (< monoandroid) (< monotouch) (< net45) (>= netstandard1.3) (< win8) (< wpa81) (< xamarinios) (< xamarinmac) (< xamarintvos) (< xamarinwatchos)) (&& (< monoandroid) (< net45) (>= netstandard1.0) (< netstandard1.3) (< win8) (< wp8) (< wpa81))
      System.Runtime (>= 4.3) - restriction: || (>= dnxcore50) (&& (< monoandroid) (< monotouch) (< net45) (>= netstandard1.3) (< win8) (< wpa81) (< xamarinios) (< xamarinmac) (< xamarintvos) (< xamarinwatchos)) (&& (< monoandroid) (< net45) (>= netstandard1.0) (< netstandard1.3) (< win8) (< wp8) (< wpa81))
    System.Text.Encoding.Extensions (4.3) - restriction: >= netcoreapp2.0
      Microsoft.NETCore.Platforms (>= 1.1) - restriction: || (>= dnxcore50) (&& (< monoandroid) (< monotouch) (< net45) (>= netstandard1.3) (< win8) (< wpa81) (< xamarinios) (< xamarinmac) (< xamarintvos) (< xamarinwatchos)) (&& (< monoandroid) (< net45) (>= netstandard1.0) (< netstandard1.3) (< win8) (< wp8) (< wpa81))
      Microsoft.NETCore.Targets (>= 1.1) - restriction: || (>= dnxcore50) (&& (< monoandroid) (< monotouch) (< net45) (>= netstandard1.3) (< win8) (< wpa81) (< xamarinios) (< xamarinmac) (< xamarintvos) (< xamarinwatchos)) (&& (< monoandroid) (< net45) (>= netstandard1.0) (< netstandard1.3) (< win8) (< wp8) (< wpa81))
      System.Runtime (>= 4.3) - restriction: || (>= dnxcore50) (&& (< monoandroid) (< monotouch) (< net45) (>= netstandard1.3) (< win8) (< wpa81) (< xamarinios) (< xamarinmac) (< xamarintvos) (< xamarinwatchos)) (&& (< monoandroid) (< net45) (>= netstandard1.0) (< netstandard1.3) (< win8) (< wp8) (< wpa81))
      System.Text.Encoding (>= 4.3) - restriction: || (>= dnxcore50) (&& (< monoandroid) (< monotouch) (< net45) (>= netstandard1.3) (< win8) (< wpa81) (< xamarinios) (< xamarinmac) (< xamarintvos) (< xamarinwatchos)) (&& (< monoandroid) (< net45) (>= netstandard1.0) (< netstandard1.3) (< win8) (< wp8) (< wpa81))
    System.Threading (4.3) - restriction: >= netcoreapp2.0
      System.Runtime (>= 4.3) - restriction: || (>= dnxcore50) (&& (< monoandroid) (< monotouch) (< net45) (>= netstandard1.3) (< win8) (< wpa81) (< xamarinios) (< xamarinmac) (< xamarintvos) (< xamarinwatchos)) (&& (< monoandroid) (< net45) (>= netstandard1.0) (< netstandard1.3) (< win8) (< wp8) (< wpa81))
      System.Threading.Tasks (>= 4.3) - restriction: || (>= dnxcore50) (&& (< monoandroid) (< monotouch) (< net45) (>= netstandard1.3) (< win8) (< wpa81) (< xamarinios) (< xamarinmac) (< xamarintvos) (< xamarinwatchos)) (&& (< monoandroid) (< net45) (>= netstandard1.0) (< netstandard1.3) (< win8) (< wp8) (< wpa81))
    System.Threading.Tasks (4.3) - restriction: >= netcoreapp2.0
      Microsoft.NETCore.Platforms (>= 1.1) - restriction: || (>= dnxcore50) (&& (< monoandroid) (< monotouch) (< net45) (>= netstandard1.3) (< win8) (< wpa81) (< xamarinios) (< xamarinmac) (< xamarintvos) (< xamarinwatchos)) (&& (< monoandroid) (< net45) (>= netstandard1.0) (< netstandard1.3) (< win8) (< wp8) (< wpa81))
      Microsoft.NETCore.Targets (>= 1.1) - restriction: || (>= dnxcore50) (&& (< monoandroid) (< monotouch) (< net45) (>= netstandard1.3) (< win8) (< wpa81) (< xamarinios) (< xamarinmac) (< xamarintvos) (< xamarinwatchos)) (&& (< monoandroid) (< net45) (>= netstandard1.0) (< netstandard1.3) (< win8) (< wp8) (< wpa81))
      System.Runtime (>= 4.3) - restriction: || (>= dnxcore50) (&& (< monoandroid) (< monotouch) (< net45) (>= netstandard1.3) (< win8) (< wpa81) (< xamarinios) (< xamarinmac) (< xamarintvos) (< xamarinwatchos)) (&& (< monoandroid) (< net45) (>= netstandard1.0) (< netstandard1.3) (< win8) (< wp8) (< wpa81))
    System.Threading.Thread (4.3) - restriction: >= netcoreapp2.0
      System.Runtime (>= 4.3) - restriction: && (< monoandroid) (< monotouch) (< net46) (>= netstandard1.3) (< xamarinios) (< xamarinmac) (< xamarintvos) (< xamarinwatchos)
    System.Threading.ThreadPool (4.3) - restriction: >= netcoreapp2.0
      System.Runtime (>= 4.3) - restriction: && (< monoandroid) (< monotouch) (< net46) (>= netstandard1.3) (< xamarinios) (< xamarinmac) (< xamarintvos) (< xamarinwatchos)
      System.Runtime.Handles (>= 4.3) - restriction: && (< monoandroid) (< monotouch) (< net46) (>= netstandard1.3) (< xamarinios) (< xamarinmac) (< xamarintvos) (< xamarinwatchos)
    xunit (2.3.1)
      xunit.analyzers (>= 0.7)
      xunit.assert (2.3.1)
      xunit.core (2.3.1)
    xunit.abstractions (2.0.1) - restriction: >= netstandard1.1
      NETStandard.Library (>= 1.6) - restriction: && (< net35) (>= netstandard1.0)
    xunit.analyzers (0.9)
    xunit.assert (2.3.1)
      NETStandard.Library (>= 1.6.1) - restriction: && (< net452) (>= netstandard1.1)
    xunit.core (2.3.1)
      xunit.extensibility.core (2.3.1)
      xunit.extensibility.execution (2.3.1)
    xunit.extensibility.core (2.3.1)
      NETStandard.Library (>= 1.6.1) - restriction: && (< net452) (>= netstandard1.1)
      xunit.abstractions (>= 2.0.1) - restriction: >= netstandard1.1
    xunit.extensibility.execution (2.3.1)
      NETStandard.Library (>= 1.6.1) - restriction: && (< net452) (>= netstandard1.1)
      xunit.extensibility.core (2.3.1) - restriction: >= netstandard1.1
