GENERATE-LOAD-SCRIPTS: ON
FRAMEWORK: NET452
NUGET
  remote: https://www.myget.org/F/adrien/api/v2
    Adrien (0.0.1.5)
      Adrien.Base (>= 0.0.1.5)
    Adrien.Base (0.0.1.5)
  remote: https://www.nuget.org/api/v2
    FSharp.Core (4.2.3)
