GENERATE-LOAD-SCRIPTS: ON
STORAGE: NONE
RESTRICTION: || (== net452) (== netstandard2.0)
NUGET
  remote: https://api.nuget.org/v3/index.json
    Baseclass.Contrib.Nuget.Output (2.4.3) - restriction: || (&& (== net452) (>= net461)) (&& (== netstandard2.0) (>= net461))
    CommandLineParser (2.2.1)
      System.Collections (>= 4.0.11-rc2-24027) - restriction: || (&& (== net452) (>= netstandard1.5)) (== netstandard2.0)
      System.Console (>= 4.0.0-rc2-24027) - restriction: || (&& (== net452) (>= netstandard1.5)) (== netstandard2.0)
      System.Diagnostics.Debug (>= 4.0.11-rc2-24027) - restriction: || (&& (== net452) (>= netstandard1.5)) (== netstandard2.0)
      System.Globalization (>= 4.0.11-rc2-24027) - restriction: || (&& (== net452) (>= netstandard1.5)) (== netstandard2.0)
      System.IO (>= 4.1.0-rc2-24027) - restriction: || (&& (== net452) (>= netstandard1.5)) (== netstandard2.0)
      System.Linq (>= 4.1.0-rc2-24027) - restriction: || (&& (== net452) (>= netstandard1.5)) (== netstandard2.0)
      System.Linq.Expressions (>= 4.0.11-rc2-24027) - restriction: || (&& (== net452) (>= netstandard1.5)) (== netstandard2.0)
      System.Reflection (>= 4.1.0-rc2-24027) - restriction: || (&& (== net452) (>= netstandard1.5)) (== netstandard2.0)
      System.Reflection.Extensions (>= 4.0.1-rc2-24027) - restriction: || (&& (== net452) (>= netstandard1.5)) (== netstandard2.0)
      System.Reflection.TypeExtensions (>= 4.1.0-rc2-24027) - restriction: || (&& (== net452) (>= netstandard1.5)) (== netstandard2.0)
      System.Resources.ResourceManager (>= 4.0.1-rc2-24027) - restriction: || (&& (== net452) (>= netstandard1.5)) (== netstandard2.0)
      System.Runtime (>= 4.1.0-rc2-24027) - restriction: || (&& (== net452) (>= netstandard1.5)) (== netstandard2.0)
      System.Runtime.Extensions (>= 4.1.0-rc2-24027) - restriction: || (&& (== net452) (>= netstandard1.5)) (== netstandard2.0)
    CppSharp (0.8.20) - restriction: || (&& (== net452) (>= net461)) (&& (== netstandard2.0) (>= net461))
      Baseclass.Contrib.Nuget.Output (>= 2.4.1)
    dotnet-fake (5.0.0-rc017.237) - clitool: true
    FSharp.Formatting.CommandTool (3.0.0-beta01)
    Microsoft.NETCore.Platforms (2.0.2) - restriction: || (&& (== net452) (>= dnxcore50) (>= netstandard1.5)) (&& (== net452) (< net45) (>= netstandard1.5)) (== netstandard2.0)
    Microsoft.NETCore.Targets (2.0) - restriction: || (&& (== net452) (>= netstandard1.5)) (== netstandard2.0)
    NETStandard.Library (2.0.3) - restriction: || (&& (== net452) (< net45)) (== netstandard2.0)
      Microsoft.NETCore.Platforms (>= 1.1)
    Serilog (2.7.1)
      NETStandard.Library (>= 1.6.1) - restriction: || (&& (== net452) (< net45)) (== netstandard2.0)
      System.Collections.NonGeneric (>= 4.3) - restriction: || (&& (== net452) (< net45) (>= netstandard1.3)) (== netstandard2.0)
    System.Collections (4.3) - restriction: || (&& (== net452) (>= dnxcore50) (>= netstandard1.5)) (&& (== net452) (< net45) (>= netstandard1.5)) (&& (== net452) (< net45) (>= netstandard1.6)) (== netstandard2.0)
      Microsoft.NETCore.Platforms (>= 1.1) - restriction: || (&& (== net452) (>= dnxcore50)) (&& (== net452) (< net45)) (== netstandard2.0)
      Microsoft.NETCore.Targets (>= 1.1) - restriction: || (&& (== net452) (>= dnxcore50)) (&& (== net452) (< net45)) (== netstandard2.0)
      System.Runtime (>= 4.3) - restriction: || (&& (== net452) (>= dnxcore50)) (&& (== net452) (< net45)) (== netstandard2.0)
    System.Collections.NonGeneric (4.3) - restriction: || (&& (== net452) (< net45) (>= netstandard1.3)) (== netstandard2.0)
      System.Diagnostics.Debug (>= 4.3) - restriction: || (&& (== net452) (>= netstandard1.3)) (== netstandard2.0)
      System.Globalization (>= 4.3) - restriction: || (&& (== net452) (>= netstandard1.3)) (== netstandard2.0)
      System.Resources.ResourceManager (>= 4.3) - restriction: || (&& (== net452) (>= netstandard1.3)) (== netstandard2.0)
      System.Runtime (>= 4.3) - restriction: || (&& (== net452) (>= netstandard1.3)) (== netstandard2.0)
      System.Runtime.Extensions (>= 4.3) - restriction: || (&& (== net452) (>= netstandard1.3)) (== netstandard2.0)
      System.Threading (>= 4.3) - restriction: || (&& (== net452) (>= netstandard1.3)) (== netstandard2.0)
    System.Console (4.3.1) - restriction: || (&& (== net452) (>= netstandard1.5)) (== netstandard2.0)
      Microsoft.NETCore.Platforms (>= 1.1) - restriction: || (&& (== net452) (>= netstandard1.3)) (== netstandard2.0)
      Microsoft.NETCore.Targets (>= 1.1.2) - restriction: || (&& (== net452) (>= netstandard1.3)) (== netstandard2.0)
      System.IO (>= 4.3) - restriction: || (&& (== net452) (>= netstandard1.3)) (== netstandard2.0)
      System.Runtime (>= 4.3) - restriction: || (&& (== net452) (>= netstandard1.3)) (== netstandard2.0)
      System.Text.Encoding (>= 4.3) - restriction: || (&& (== net452) (>= netstandard1.3)) (== netstandard2.0)
    System.Diagnostics.Debug (4.3) - restriction: || (&& (== net452) (< net45) (>= netstandard1.3)) (== netstandard2.0)
      Microsoft.NETCore.Platforms (>= 1.1) - restriction: || (&& (== net452) (>= dnxcore50)) (&& (== net452) (< net45)) (== netstandard2.0)
      Microsoft.NETCore.Targets (>= 1.1) - restriction: || (&& (== net452) (>= dnxcore50)) (&& (== net452) (< net45)) (== netstandard2.0)
      System.Runtime (>= 4.3) - restriction: || (&& (== net452) (>= dnxcore50)) (&& (== net452) (< net45)) (== netstandard2.0)
    System.Globalization (4.3) - restriction: || (&& (== net452) (< net45) (>= netstandard1.3)) (== netstandard2.0)
      Microsoft.NETCore.Platforms (>= 1.1) - restriction: || (&& (== net452) (>= dnxcore50)) (&& (== net452) (< net45)) (== netstandard2.0)
      Microsoft.NETCore.Targets (>= 1.1) - restriction: || (&& (== net452) (>= dnxcore50)) (&& (== net452) (< net45)) (== netstandard2.0)
      System.Runtime (>= 4.3) - restriction: || (&& (== net452) (>= dnxcore50)) (&& (== net452) (< net45)) (== netstandard2.0)
    System.IO (4.3) - restriction: || (&& (== net452) (>= netstandard1.5)) (== netstandard2.0)
      Microsoft.NETCore.Platforms (>= 1.1) - restriction: || (&& (== net452) (>= dnxcore50)) (&& (== net452) (< net45)) (== netstandard2.0)
      Microsoft.NETCore.Targets (>= 1.1) - restriction: || (&& (== net452) (>= dnxcore50)) (&& (== net452) (< net45)) (== netstandard2.0)
      System.Runtime (>= 4.3) - restriction: || (&& (== net452) (>= dnxcore50)) (&& (== net452) (< net45)) (== netstandard2.0)
      System.Text.Encoding (>= 4.3) - restriction: || (&& (== net452) (>= dnxcore50)) (&& (== net452) (< net45)) (== netstandard2.0)
      System.Threading.Tasks (>= 4.3) - restriction: || (&& (== net452) (>= dnxcore50)) (&& (== net452) (< net45)) (== netstandard2.0)
    System.Linq (4.3) - restriction: || (&& (== net452) (< net45) (>= netstandard1.6)) (&& (== net452) (>= netstandard1.5)) (== netstandard2.0)
      System.Collections (>= 4.3) - restriction: || (&& (== net452) (>= dnxcore50)) (&& (== net452) (< net45)) (== netstandard2.0)
      System.Diagnostics.Debug (>= 4.3) - restriction: || (&& (== net452) (>= dnxcore50)) (&& (== net452) (< net45) (>= netstandard1.6)) (== netstandard2.0)
      System.Resources.ResourceManager (>= 4.3) - restriction: || (&& (== net452) (>= dnxcore50)) (&& (== net452) (< net45) (>= netstandard1.6)) (== netstandard2.0)
      System.Runtime (>= 4.3) - restriction: || (&& (== net452) (>= dnxcore50)) (&& (== net452) (< net45)) (== netstandard2.0)
      System.Runtime.Extensions (>= 4.3) - restriction: || (&& (== net452) (>= dnxcore50)) (&& (== net452) (< net45) (>= netstandard1.6)) (== netstandard2.0)
    System.Linq.Expressions (4.3) - restriction: || (&& (== net452) (>= netstandard1.5)) (== netstandard2.0)
      System.Collections (>= 4.3) - restriction: || (&& (== net452) (>= dnxcore50)) (&& (== net452) (< net45) (>= netstandard1.6)) (== netstandard2.0)
      System.Diagnostics.Debug (>= 4.3) - restriction: || (&& (== net452) (>= dnxcore50)) (&& (== net452) (< net45) (>= netstandard1.6)) (== netstandard2.0)
      System.Globalization (>= 4.3) - restriction: || (&& (== net452) (>= dnxcore50)) (&& (== net452) (< net45) (>= netstandard1.6)) (== netstandard2.0)
      System.IO (>= 4.3) - restriction: || (&& (== net452) (>= dnxcore50)) (&& (== net452) (< net45) (>= netstandard1.6)) (== netstandard2.0)
      System.Linq (>= 4.3) - restriction: || (&& (== net452) (>= dnxcore50)) (&& (== net452) (< net45) (>= netstandard1.6)) (== netstandard2.0)
      System.ObjectModel (>= 4.3) - restriction: || (&& (== net452) (< net45) (>= netstandard1.6)) (== netstandard2.0)
      System.Reflection (>= 4.3) - restriction: || (&& (== net452) (>= dnxcore50)) (&& (== net452) (< net45)) (== netstandard2.0)
      System.Reflection.Emit (>= 4.3) - restriction: || (&& (== net452) (< net45) (>= netstandard1.6)) (== netstandard2.0)
      System.Reflection.Emit.ILGeneration (>= 4.3) - restriction: || (&& (== net452) (>= dnxcore50)) (&& (== net452) (< net45) (>= netstandard1.6)) (== netstandard2.0)
      System.Reflection.Emit.Lightweight (>= 4.3) - restriction: || (&& (== net452) (>= dnxcore50)) (&& (== net452) (< net45) (>= netstandard1.6)) (== netstandard2.0)
      System.Reflection.Extensions (>= 4.3) - restriction: || (&& (== net452) (>= dnxcore50)) (&& (== net452) (< net45) (>= netstandard1.6)) (== netstandard2.0)
      System.Reflection.Primitives (>= 4.3) - restriction: || (&& (== net452) (>= dnxcore50)) (&& (== net452) (< net45) (>= netstandard1.6)) (== netstandard2.0)
      System.Reflection.TypeExtensions (>= 4.3) - restriction: || (&& (== net452) (>= dnxcore50)) (&& (== net452) (< net45) (>= netstandard1.6)) (== netstandard2.0)
      System.Resources.ResourceManager (>= 4.3) - restriction: || (&& (== net452) (>= dnxcore50)) (&& (== net452) (< net45) (>= netstandard1.6)) (== netstandard2.0)
      System.Runtime (>= 4.3) - restriction: || (&& (== net452) (>= dnxcore50)) (&& (== net452) (< net45)) (== netstandard2.0)
      System.Runtime.Extensions (>= 4.3) - restriction: || (&& (== net452) (>= dnxcore50)) (&& (== net452) (< net45) (>= netstandard1.6)) (== netstandard2.0)
      System.Threading (>= 4.3) - restriction: || (&& (== net452) (>= dnxcore50)) (&& (== net452) (< net45) (>= netstandard1.6)) (== netstandard2.0)
    System.ObjectModel (4.3) - restriction: || (&& (== net452) (< net45) (>= netstandard1.6)) (== netstandard2.0)
      System.Collections (>= 4.3) - restriction: || (&& (== net452) (>= dnxcore50)) (&& (== net452) (< net45) (>= netstandard1.3)) (== netstandard2.0)
      System.Diagnostics.Debug (>= 4.3) - restriction: || (&& (== net452) (>= dnxcore50)) (&& (== net452) (< net45) (>= netstandard1.3)) (== netstandard2.0)
      System.Resources.ResourceManager (>= 4.3) - restriction: || (&& (== net452) (>= dnxcore50)) (&& (== net452) (< net45) (>= netstandard1.3)) (== netstandard2.0)
      System.Runtime (>= 4.3) - restriction: || (&& (== net452) (>= dnxcore50)) (&& (== net452) (< net45)) (== netstandard2.0)
      System.Threading (>= 4.3) - restriction: || (&& (== net452) (>= dnxcore50)) (&& (== net452) (< net45) (>= netstandard1.3)) (== netstandard2.0)
    System.Reflection (4.3) - restriction: || (&& (== net452) (< net45) (>= netstandard1.6)) (&& (== net452) (>= netstandard1.5)) (== netstandard2.0)
      Microsoft.NETCore.Platforms (>= 1.1) - restriction: || (&& (== net452) (>= dnxcore50)) (&& (== net452) (< net45)) (== netstandard2.0)
      Microsoft.NETCore.Targets (>= 1.1) - restriction: || (&& (== net452) (>= dnxcore50)) (&& (== net452) (< net45)) (== netstandard2.0)
      System.IO (>= 4.3) - restriction: || (&& (== net452) (>= dnxcore50)) (&& (== net452) (< net45)) (== netstandard2.0)
      System.Reflection.Primitives (>= 4.3) - restriction: || (&& (== net452) (>= dnxcore50)) (&& (== net452) (< net45)) (== netstandard2.0)
      System.Runtime (>= 4.3) - restriction: || (&& (== net452) (>= dnxcore50)) (&& (== net452) (< net45)) (== netstandard2.0)
    System.Reflection.Emit (4.3) - restriction: || (&& (== net452) (< net45) (>= netstandard1.6)) (== netstandard2.0)
      System.IO (>= 4.3) - restriction: || (&& (== net452) (< net45)) (== netstandard2.0)
      System.Reflection (>= 4.3) - restriction: || (&& (== net452) (< net45)) (== netstandard2.0)
      System.Reflection.Emit.ILGeneration (>= 4.3) - restriction: || (&& (== net452) (< net45)) (== netstandard2.0)
      System.Reflection.Primitives (>= 4.3) - restriction: || (&& (== net452) (< net45)) (== netstandard2.0)
      System.Runtime (>= 4.3) - restriction: || (&& (== net452) (< net45)) (== netstandard2.0)
    System.Reflection.Emit.ILGeneration (4.3) - restriction: || (&& (== net452) (>= dnxcore50) (>= netstandard1.5)) (&& (== net452) (< net45) (>= netstandard1.6)) (== netstandard2.0)
      System.Reflection (>= 4.3) - restriction: || (&& (== net452) (< net45)) (== netstandard2.0)
      System.Reflection.Primitives (>= 4.3) - restriction: || (&& (== net452) (< net45)) (== netstandard2.0)
      System.Runtime (>= 4.3) - restriction: || (&& (== net452) (< net45)) (== netstandard2.0)
    System.Reflection.Emit.Lightweight (4.3) - restriction: || (&& (== net452) (>= dnxcore50) (>= netstandard1.5)) (&& (== net452) (< net45) (>= netstandard1.6)) (== netstandard2.0)
      System.Reflection (>= 4.3) - restriction: || (&& (== net452) (< net45)) (== netstandard2.0)
      System.Reflection.Emit.ILGeneration (>= 4.3) - restriction: || (&& (== net452) (< net45)) (== netstandard2.0)
      System.Reflection.Primitives (>= 4.3) - restriction: || (&& (== net452) (< net45)) (== netstandard2.0)
      System.Runtime (>= 4.3) - restriction: || (&& (== net452) (< net45)) (== netstandard2.0)
    System.Reflection.Extensions (4.3) - restriction: || (&& (== net452) (>= dnxcore50) (>= netstandard1.5)) (&& (== net452) (< net45) (>= netstandard1.6)) (== netstandard2.0)
      Microsoft.NETCore.Platforms (>= 1.1) - restriction: || (&& (== net452) (>= dnxcore50)) (&& (== net452) (< net45)) (== netstandard2.0)
      Microsoft.NETCore.Targets (>= 1.1) - restriction: || (&& (== net452) (>= dnxcore50)) (&& (== net452) (< net45)) (== netstandard2.0)
      System.Reflection (>= 4.3) - restriction: || (&& (== net452) (>= dnxcore50)) (&& (== net452) (< net45)) (== netstandard2.0)
      System.Runtime (>= 4.3) - restriction: || (&& (== net452) (>= dnxcore50)) (&& (== net452) (< net45)) (== netstandard2.0)
    System.Reflection.Primitives (4.3) - restriction: || (&& (== net452) (>= dnxcore50) (>= netstandard1.5)) (&& (== net452) (< net45) (>= netstandard1.5)) (== netstandard2.0)
      Microsoft.NETCore.Platforms (>= 1.1) - restriction: || (&& (== net452) (>= dnxcore50)) (&& (== net452) (< net45)) (== netstandard2.0)
      Microsoft.NETCore.Targets (>= 1.1) - restriction: || (&& (== net452) (>= dnxcore50)) (&& (== net452) (< net45)) (== netstandard2.0)
      System.Runtime (>= 4.3) - restriction: || (&& (== net452) (>= dnxcore50)) (&& (== net452) (< net45)) (== netstandard2.0)
    System.Reflection.TypeExtensions (4.4) - restriction: || (&& (== net452) (< net45) (>= netstandard1.6)) (&& (== net452) (>= netstandard1.5)) (== netstandard2.0)
    System.Resources.ResourceManager (4.3) - restriction: || (&& (== net452) (< net45) (>= netstandard1.3)) (== netstandard2.0)
      Microsoft.NETCore.Platforms (>= 1.1) - restriction: || (&& (== net452) (>= dnxcore50)) (&& (== net452) (< net45)) (== netstandard2.0)
      Microsoft.NETCore.Targets (>= 1.1) - restriction: || (&& (== net452) (>= dnxcore50)) (&& (== net452) (< net45)) (== netstandard2.0)
      System.Globalization (>= 4.3) - restriction: || (&& (== net452) (>= dnxcore50)) (&& (== net452) (< net45)) (== netstandard2.0)
      System.Reflection (>= 4.3) - restriction: || (&& (== net452) (>= dnxcore50)) (&& (== net452) (< net45)) (== netstandard2.0)
      System.Runtime (>= 4.3) - restriction: || (&& (== net452) (>= dnxcore50)) (&& (== net452) (< net45)) (== netstandard2.0)
    System.Runtime (4.3) - restriction: || (&& (== net452) (< net45) (>= netstandard1.3)) (== netstandard2.0)
      Microsoft.NETCore.Platforms (>= 1.1) - restriction: || (&& (== net452) (>= dnxcore50)) (&& (== net452) (< net45)) (== netstandard2.0)
      Microsoft.NETCore.Targets (>= 1.1) - restriction: || (&& (== net452) (>= dnxcore50)) (&& (== net452) (< net45)) (== netstandard2.0)
    System.Runtime.Extensions (4.3) - restriction: || (&& (== net452) (< net45) (>= netstandard1.3)) (== netstandard2.0)
      Microsoft.NETCore.Platforms (>= 1.1) - restriction: || (&& (== net452) (>= dnxcore50)) (&& (== net452) (< net45)) (== netstandard2.0)
      Microsoft.NETCore.Targets (>= 1.1) - restriction: || (&& (== net452) (>= dnxcore50)) (&& (== net452) (< net45)) (== netstandard2.0)
      System.Runtime (>= 4.3) - restriction: || (&& (== net452) (>= dnxcore50)) (&& (== net452) (< net45)) (== netstandard2.0)
    System.Text.Encoding (4.3) - restriction: || (&& (== net452) (>= dnxcore50) (>= netstandard1.5)) (&& (== net452) (< net45) (>= netstandard1.5)) (== netstandard2.0)
      Microsoft.NETCore.Platforms (>= 1.1) - restriction: || (&& (== net452) (>= dnxcore50)) (&& (== net452) (< net45)) (== netstandard2.0)
      Microsoft.NETCore.Targets (>= 1.1) - restriction: || (&& (== net452) (>= dnxcore50)) (&& (== net452) (< net45)) (== netstandard2.0)
      System.Runtime (>= 4.3) - restriction: || (&& (== net452) (>= dnxcore50)) (&& (== net452) (< net45)) (== netstandard2.0)
    System.Threading (4.3) - restriction: || (&& (== net452) (< net45) (>= netstandard1.3)) (== netstandard2.0)
      System.Runtime (>= 4.3) - restriction: || (&& (== net452) (>= dnxcore50)) (&& (== net452) (< net45)) (== netstandard2.0)
      System.Threading.Tasks (>= 4.3) - restriction: || (&& (== net452) (>= dnxcore50)) (&& (== net452) (< net45)) (== netstandard2.0)
    System.Threading.Tasks (4.3) - restriction: || (&& (== net452) (>= dnxcore50) (>= netstandard1.5)) (&& (== net452) (< net45) (>= netstandard1.5)) (== netstandard2.0)
      Microsoft.NETCore.Platforms (>= 1.1) - restriction: || (&& (== net452) (>= dnxcore50)) (&& (== net452) (< net45)) (== netstandard2.0)
      Microsoft.NETCore.Targets (>= 1.1) - restriction: || (&& (== net452) (>= dnxcore50)) (&& (== net452) (< net45)) (== netstandard2.0)
      System.Runtime (>= 4.3) - restriction: || (&& (== net452) (>= dnxcore50)) (&& (== net452) (< net45)) (== netstandard2.0)
    xunit (2.3.1)
      xunit.analyzers (>= 0.7)
      xunit.assert (2.3.1)
      xunit.core (2.3.1)
    xunit.abstractions (2.0.1)
      NETStandard.Library (>= 1.6) - restriction: || (&& (== net452) (< net35)) (== netstandard2.0)
    xunit.analyzers (0.9)
    xunit.assert (2.3.1)
      NETStandard.Library (>= 1.6.1) - restriction: == netstandard2.0
    xunit.core (2.3.1)
      xunit.extensibility.core (2.3.1)
      xunit.extensibility.execution (2.3.1)
    xunit.extensibility.core (2.3.1)
      NETStandard.Library (>= 1.6.1) - restriction: == netstandard2.0
      xunit.abstractions (>= 2.0.1)
    xunit.extensibility.execution (2.3.1)
      NETStandard.Library (>= 1.6.1) - restriction: == netstandard2.0
      xunit.extensibility.core (2.3.1)
